STORAGE: NONE
STRATEGY: MIN
LOWEST_MATCHING: TRUE
COPY-LOCAL: TRUE
SPECIFIC-VERSION: FALSE
RESTRICTION: || (== net9.0) (== net9.0-windows7.0)
NUGET
  remote: https://api.nuget.org/v3/index.json
    akarnokd.reactive_extensions (0.0.27-alpha)
      System.Reactive (>= 4.1.6)
    Azure.Core (1.47.3)
      Microsoft.Bcl.AsyncInterfaces (>= 8.0)
      System.ClientModel (>= 1.6.1)
      System.Memory.Data (>= 8.0.1)
    Azure.Identity (1.14.2)
      Azure.Core (>= 1.46.1)
      Microsoft.Identity.Client (>= 4.73.1)
      Microsoft.Identity.Client.Extensions.Msal (>= 4.73.1)
      System.Memory (>= 4.5.5)
    Castle.Core (4.4)
      NETStandard.Library (>= 1.6.1)
      System.Collections.Specialized (>= 4.3)
      System.ComponentModel (>= 4.3)
      System.ComponentModel.TypeConverter (>= 4.3)
      System.Diagnostics.TraceSource (>= 4.3)
      System.Dynamic.Runtime (>= 4.3)
      System.Reflection (>= 4.3)
      System.Reflection.Emit (>= 4.3)
      System.Reflection.TypeExtensions (>= 4.3)
      System.Xml.XmlDocument (>= 4.3)
    DevExpress.Data (25.1.6)
      System.Drawing.Common (>= 8.0.15)
    DevExpress.Drawing (25.1.6)
      DevExpress.Data (25.1.6)
      System.Drawing.Common (>= 8.0.15)
    DevExpress.Office.Core (25.1.6)
      DevExpress.Data (25.1.6)
      DevExpress.Drawing (25.1.6)
      DevExpress.Pdf.Core (25.1.6)
      DevExpress.Printing.Core (25.1.6)
      System.Drawing.Common (>= 8.0.15)
    DevExpress.Pdf.Core (25.1.6)
      DevExpress.Data (25.1.6)
      DevExpress.Drawing (25.1.6)
      System.Drawing.Common (>= 8.0.15)
      System.Security.Cryptography.Pkcs (>= 8.0.1)
    DevExpress.Pdf.Drawing (25.1.6)
      DevExpress.Data (25.1.6)
      DevExpress.Drawing (25.1.6)
      DevExpress.Pdf.Core (25.1.6)
      System.Drawing.Common (>= 8.0.15)
    DevExpress.Printing.Core (25.1.6)
      DevExpress.Data (25.1.6)
      DevExpress.Drawing (25.1.6)
      DevExpress.Pdf.Core (25.1.6)
      DevExpress.Pdf.Drawing (25.1.6)
      System.Drawing.Common (>= 8.0.15)
      System.ServiceModel.Http (>= 8.1.2)
    DevExpress.RichEdit.Core (25.1.6)
      DevExpress.Data (25.1.6)
      DevExpress.Drawing (25.1.6)
      DevExpress.Office.Core (25.1.6)
      DevExpress.Pdf.Core (25.1.6)
      DevExpress.Printing.Core (25.1.6)
      System.Drawing.Common (>= 8.0.15)
    DevExpress.Xpo (25.1.6)
      DevExpress.Data (25.1.6)
      Microsoft.Extensions.DependencyInjection (>= 8.0.1)
      System.Drawing.Common (>= 8.0.15)
      System.ServiceModel.Http (>= 8.1.2)
      System.ServiceModel.NetTcp (>= 8.1.2)
    DevExtreme.AspNet.Data (5.1)
    DiffEngine (11.3)
      EmptyFiles (>= 4.4)
      System.Management (>= 6.0.1)
    EmptyFiles (4.4)
    Enums.NET (4.0)
    FasterFlect.Xpand (2.0.7)
      System.Reflection.Emit.Lightweight (>= 4.6)
    Google.Apis (1.55)
      Google.Apis.Core (>= 1.55)
    Google.Apis.Auth (1.55)
      Google.Apis (>= 1.55)
      Google.Apis.Core (>= 1.55)
    Google.Apis.Calendar.v3 (1.55.0.2410)
      Google.Apis (>= 1.55)
      Google.Apis.Auth (>= 1.55)
    Google.Apis.Core (1.55)
      Newtonsoft.Json (>= 13.0.1)
    Google.Apis.People.v1 (1.25.0.830)
      Google.Apis (>= 1.25)
      Google.Apis.Auth (>= 1.25)
    Google.Apis.Tasks.v1 (1.55.0.2384)
      Google.Apis (>= 1.55)
      Google.Apis.Auth (>= 1.55)
    Grpc (2.23)
      Grpc.Core (>= 2.23)
    Grpc.Core (2.25)
      Grpc.Core.Api (>= 2.25)
      System.Memory (>= 4.5.3)
    Grpc.Core.Api (2.25)
      System.Memory (>= 4.5.3)
    Hangfire.AspNetCore (1.7.35)
      Hangfire.Core (1.7.35)
    Hangfire.Core (1.7.35)
      Newtonsoft.Json (>= 11.0.1)
    Hangfire.MemoryStorage (1.8)
      Hangfire.Core (>= 1.7.35)
    Hangfire.SqlServer (1.7.35)
      Hangfire.Core (1.7.35)
      System.Data.SqlClient (>= 4.4)
    Humanizer (2.14.1)
      Humanizer.Core.af (>= 2.14.1)
      Humanizer.Core.ar (>= 2.14.1)
      Humanizer.Core.az (>= 2.14.1)
      Humanizer.Core.bg (>= 2.14.1)
      Humanizer.Core.bn-BD (>= 2.14.1)
      Humanizer.Core.cs (>= 2.14.1)
      Humanizer.Core.da (>= 2.14.1)
      Humanizer.Core.de (>= 2.14.1)
      Humanizer.Core.el (>= 2.14.1)
      Humanizer.Core.es (>= 2.14.1)
      Humanizer.Core.fa (>= 2.14.1)
      Humanizer.Core.fi-FI (>= 2.14.1)
      Humanizer.Core.fr (>= 2.14.1)
      Humanizer.Core.fr-BE (>= 2.14.1)
      Humanizer.Core.he (>= 2.14.1)
      Humanizer.Core.hr (>= 2.14.1)
      Humanizer.Core.hu (>= 2.14.1)
      Humanizer.Core.hy (>= 2.14.1)
      Humanizer.Core.id (>= 2.14.1)
      Humanizer.Core.is (>= 2.14.1)
      Humanizer.Core.it (>= 2.14.1)
      Humanizer.Core.ja (>= 2.14.1)
      Humanizer.Core.ko-KR (>= 2.14.1)
      Humanizer.Core.ku (>= 2.14.1)
      Humanizer.Core.lv (>= 2.14.1)
      Humanizer.Core.ms-MY (>= 2.14.1)
      Humanizer.Core.mt (>= 2.14.1)
      Humanizer.Core.nb (>= 2.14.1)
      Humanizer.Core.nb-NO (>= 2.14.1)
      Humanizer.Core.nl (>= 2.14.1)
      Humanizer.Core.pl (>= 2.14.1)
      Humanizer.Core.pt (>= 2.14.1)
      Humanizer.Core.ro (>= 2.14.1)
      Humanizer.Core.ru (>= 2.14.1)
      Humanizer.Core.sk (>= 2.14.1)
      Humanizer.Core.sl (>= 2.14.1)
      Humanizer.Core.sr (>= 2.14.1)
      Humanizer.Core.sr-Latn (>= 2.14.1)
      Humanizer.Core.sv (>= 2.14.1)
      Humanizer.Core.th-TH (>= 2.14.1)
      Humanizer.Core.tr (>= 2.14.1)
      Humanizer.Core.uk (>= 2.14.1)
      Humanizer.Core.uz-Cyrl-UZ (>= 2.14.1)
      Humanizer.Core.uz-Latn-UZ (>= 2.14.1)
      Humanizer.Core.vi (>= 2.14.1)
      Humanizer.Core.zh-CN (>= 2.14.1)
      Humanizer.Core.zh-Hans (>= 2.14.1)
      Humanizer.Core.zh-Hant (>= 2.14.1)
    Humanizer.Core (2.14.1)
    Humanizer.Core.af (2.14.1)
      Humanizer.Core (2.14.1)
    Humanizer.Core.ar (2.14.1)
      Humanizer.Core (2.14.1)
    Humanizer.Core.az (2.14.1)
      Humanizer.Core (2.14.1)
    Humanizer.Core.bg (2.14.1)
      Humanizer.Core (2.14.1)
    Humanizer.Core.bn-BD (2.14.1)
      Humanizer.Core (2.14.1)
    Humanizer.Core.cs (2.14.1)
      Humanizer.Core (2.14.1)
    Humanizer.Core.da (2.14.1)
      Humanizer.Core (2.14.1)
    Humanizer.Core.de (2.14.1)
      Humanizer.Core (2.14.1)
    Humanizer.Core.el (2.14.1)
      Humanizer.Core (2.14.1)
    Humanizer.Core.es (2.14.1)
      Humanizer.Core (2.14.1)
    Humanizer.Core.fa (2.14.1)
      Humanizer.Core (2.14.1)
    Humanizer.Core.fi-FI (2.14.1)
      Humanizer.Core (2.14.1)
    Humanizer.Core.fr (2.14.1)
      Humanizer.Core (2.14.1)
    Humanizer.Core.fr-BE (2.14.1)
      Humanizer.Core (2.14.1)
    Humanizer.Core.he (2.14.1)
      Humanizer.Core (2.14.1)
    Humanizer.Core.hr (2.14.1)
      Humanizer.Core (2.14.1)
    Humanizer.Core.hu (2.14.1)
      Humanizer.Core (2.14.1)
    Humanizer.Core.hy (2.14.1)
      Humanizer.Core (2.14.1)
    Humanizer.Core.id (2.14.1)
      Humanizer.Core (2.14.1)
    Humanizer.Core.is (2.14.1)
      Humanizer.Core (2.14.1)
    Humanizer.Core.it (2.14.1)
      Humanizer.Core (2.14.1)
    Humanizer.Core.ja (2.14.1)
      Humanizer.Core (2.14.1)
    Humanizer.Core.ko-KR (2.14.1)
      Humanizer.Core (2.14.1)
    Humanizer.Core.ku (2.14.1)
      Humanizer.Core (2.14.1)
    Humanizer.Core.lv (2.14.1)
      Humanizer.Core (2.14.1)
    Humanizer.Core.ms-MY (2.14.1)
      Humanizer.Core (2.14.1)
    Humanizer.Core.mt (2.14.1)
      Humanizer.Core (2.14.1)
    Humanizer.Core.nb (2.14.1)
      Humanizer.Core (2.14.1)
    Humanizer.Core.nb-NO (2.14.1)
      Humanizer.Core (2.14.1)
    Humanizer.Core.nl (2.14.1)
      Humanizer.Core (2.14.1)
    Humanizer.Core.pl (2.14.1)
      Humanizer.Core (2.14.1)
    Humanizer.Core.pt (2.14.1)
      Humanizer.Core (2.14.1)
    Humanizer.Core.ro (2.14.1)
      Humanizer.Core (2.14.1)
    Humanizer.Core.ru (2.14.1)
      Humanizer.Core (2.14.1)
    Humanizer.Core.sk (2.14.1)
      Humanizer.Core (2.14.1)
    Humanizer.Core.sl (2.14.1)
      Humanizer.Core (2.14.1)
    Humanizer.Core.sr (2.14.1)
      Humanizer.Core (2.14.1)
    Humanizer.Core.sr-Latn (2.14.1)
      Humanizer.Core (2.14.1)
    Humanizer.Core.sv (2.14.1)
      Humanizer.Core (2.14.1)
    Humanizer.Core.th-TH (2.14.1)
      Humanizer.Core (2.14.1)
    Humanizer.Core.tr (2.14.1)
      Humanizer.Core (2.14.1)
    Humanizer.Core.uk (2.14.1)
      Humanizer.Core (2.14.1)
    Humanizer.Core.uz-Cyrl-UZ (2.14.1)
      Humanizer.Core (2.14.1)
    Humanizer.Core.uz-Latn-UZ (2.14.1)
      Humanizer.Core (2.14.1)
    Humanizer.Core.vi (2.14.1)
      Humanizer.Core (2.14.1)
    Humanizer.Core.zh-CN (2.14.1)
      Humanizer.Core (2.14.1)
    Humanizer.Core.zh-Hans (2.14.1)
      Humanizer.Core (2.14.1)
    Humanizer.Core.zh-Hant (2.14.1)
      Humanizer.Core (2.14.1)
    MagicOnion (2.6.3)
      Grpc (>= 2.23)
      MessagePack (>= 1.7.3.7)
      System.Buffers (>= 4.5)
      System.Collections.Immutable (>= 1.5)
      System.Runtime.CompilerServices.Unsafe (>= 4.5.2)
      System.Threading.Tasks.Extensions (>= 4.5.3)
      System.Threading.Tasks.Parallel (>= 4.3)
    MessagePack (3.1.4)
      MessagePack.Annotations (>= 3.1.4)
      MessagePackAnalyzer (>= 3.1.4)
      Microsoft.NET.StringTools (>= 17.11.4)
    MessagePack.Annotations (3.1.4)
    MessagePackAnalyzer (3.1.4)
    Microsoft.AspNetCore (2.3)
      Microsoft.AspNetCore.Diagnostics (>= 2.3)
      Microsoft.AspNetCore.HostFiltering (>= 2.3)
      Microsoft.AspNetCore.Hosting (>= 2.3)
      Microsoft.AspNetCore.Routing (>= 2.3)
      Microsoft.AspNetCore.Server.IISIntegration (>= 2.3)
      Microsoft.AspNetCore.Server.Kestrel (>= 2.3)
      Microsoft.AspNetCore.Server.Kestrel.Core (>= 2.3)
      Microsoft.AspNetCore.Server.Kestrel.Https (>= 2.3)
      Microsoft.Extensions.Configuration.CommandLine (>= 8.0)
      Microsoft.Extensions.Configuration.EnvironmentVariables (>= 8.0)
      Microsoft.Extensions.Configuration.FileExtensions (>= 8.0.1)
      Microsoft.Extensions.Configuration.Json (>= 8.0.1)
      Microsoft.Extensions.Configuration.UserSecrets (>= 8.0.1)
      Microsoft.Extensions.Logging (>= 8.0.1)
      Microsoft.Extensions.Logging.Configuration (>= 8.0.1)
      Microsoft.Extensions.Logging.Console (>= 8.0.1)
      Microsoft.Extensions.Logging.Debug (>= 8.0.1)
    Microsoft.AspNetCore.Authentication.Abstractions (2.3)
      Microsoft.AspNetCore.Http.Abstractions (>= 2.3)
      Microsoft.Extensions.Logging.Abstractions (>= 8.0.2)
      Microsoft.Extensions.Options (>= 8.0.2)
    Microsoft.AspNetCore.Authentication.Core (2.3)
      Microsoft.AspNetCore.Authentication.Abstractions (>= 2.3)
      Microsoft.AspNetCore.Http (>= 2.3)
      Microsoft.AspNetCore.Http.Extensions (>= 2.3)
    Microsoft.AspNetCore.Authentication.JwtBearer (8.0.17)
      Microsoft.IdentityModel.Protocols.OpenIdConnect (>= 7.1.2)
    Microsoft.AspNetCore.Authorization (9.0.8) - restriction: || (== net9.0) (&& (== net9.0-windows7.0) (>= net9.0))
      Microsoft.AspNetCore.Metadata (>= 9.0.8)
      Microsoft.Extensions.Logging.Abstractions (>= 9.0.8)
      Microsoft.Extensions.Options (>= 9.0.8)
    Microsoft.AspNetCore.Components (9.0.8)
      Microsoft.AspNetCore.Authorization (>= 9.0.8) - restriction: || (== net9.0) (&& (== net9.0-windows7.0) (>= net9.0))
      Microsoft.AspNetCore.Components.Analyzers (>= 9.0.8) - restriction: || (== net9.0) (&& (== net9.0-windows7.0) (>= net9.0))
    Microsoft.AspNetCore.Components.Analyzers (9.0.8) - restriction: || (== net9.0) (&& (== net9.0-windows7.0) (>= net9.0))
    Microsoft.AspNetCore.Connections.Abstractions (2.3)
      Microsoft.AspNetCore.Http.Features (>= 2.3)
      System.IO.Pipelines (>= 8.0)
    Microsoft.AspNetCore.Cryptography.Internal (8.0.10)
    Microsoft.AspNetCore.DataProtection (8.0.10)
      Microsoft.AspNetCore.Cryptography.Internal (>= 8.0.10)
      Microsoft.AspNetCore.DataProtection.Abstractions (>= 8.0.10)
      Microsoft.Extensions.DependencyInjection.Abstractions (>= 8.0.2)
      Microsoft.Extensions.Hosting.Abstractions (>= 8.0.1)
      Microsoft.Extensions.Logging.Abstractions (>= 8.0.2)
      Microsoft.Extensions.Options (>= 8.0.2)
      System.Security.Cryptography.Xml (>= 8.0.2)
    Microsoft.AspNetCore.DataProtection.Abstractions (8.0.10)
    Microsoft.AspNetCore.DataProtection.Extensions (8.0.10)
      Microsoft.AspNetCore.DataProtection (>= 8.0.10)
      Microsoft.Extensions.DependencyInjection (>= 8.0.1)
    Microsoft.AspNetCore.Diagnostics (2.3)
      Microsoft.AspNetCore.Diagnostics.Abstractions (>= 2.3)
      Microsoft.AspNetCore.Hosting.Abstractions (>= 2.3)
      Microsoft.AspNetCore.Http.Extensions (>= 2.3)
      Microsoft.AspNetCore.WebUtilities (>= 2.3)
      Microsoft.Extensions.FileProviders.Physical (>= 8.0)
      Microsoft.Extensions.Logging.Abstractions (>= 8.0.2)
      Microsoft.Extensions.Options (>= 8.0.2)
      System.Diagnostics.DiagnosticSource (>= 8.0.1)
      System.Reflection.Metadata (>= 8.0.1)
    Microsoft.AspNetCore.Diagnostics.Abstractions (2.3)
    Microsoft.AspNetCore.HostFiltering (2.3)
      Microsoft.AspNetCore.Hosting.Abstractions (>= 2.3)
      Microsoft.AspNetCore.Http (>= 2.3)
      Microsoft.AspNetCore.Http.Extensions (>= 2.3)
      Microsoft.Extensions.Options (>= 8.0.2)
    Microsoft.AspNetCore.Hosting (2.3)
      Microsoft.AspNetCore.Hosting.Abstractions (>= 2.3)
      Microsoft.AspNetCore.Http (>= 2.3)
      Microsoft.AspNetCore.Http.Extensions (>= 2.3)
      Microsoft.Extensions.Configuration (>= 8.0)
      Microsoft.Extensions.Configuration.EnvironmentVariables (>= 8.0)
      Microsoft.Extensions.Configuration.FileExtensions (>= 8.0.1)
      Microsoft.Extensions.DependencyInjection (>= 8.0.1)
      Microsoft.Extensions.FileProviders.Physical (>= 8.0)
      Microsoft.Extensions.Hosting.Abstractions (>= 8.0.1)
      Microsoft.Extensions.Logging (>= 8.0.1)
      Microsoft.Extensions.Logging.Debug (>= 8.0.1)
      Microsoft.Extensions.Options (>= 8.0.2)
      System.Diagnostics.DiagnosticSource (>= 8.0.1)
      System.Reflection.Metadata (>= 8.0.1)
    Microsoft.AspNetCore.Hosting.Abstractions (2.3)
      Microsoft.AspNetCore.Hosting.Server.Abstractions (>= 2.3)
      Microsoft.AspNetCore.Http.Abstractions (>= 2.3)
      Microsoft.Extensions.Hosting.Abstractions (>= 8.0.1)
    Microsoft.AspNetCore.Hosting.Server.Abstractions (2.3)
      Microsoft.AspNetCore.Http.Features (>= 2.3)
      Microsoft.Extensions.Configuration.Abstractions (>= 8.0)
    Microsoft.AspNetCore.Html.Abstractions (2.3)
      System.Text.Encodings.Web (>= 8.0)
    Microsoft.AspNetCore.Http (2.3)
      Microsoft.AspNetCore.Http.Abstractions (>= 2.3)
      Microsoft.AspNetCore.WebUtilities (>= 2.3)
      Microsoft.Extensions.ObjectPool (>= 8.0.11)
      Microsoft.Extensions.Options (>= 8.0.2)
      Microsoft.Net.Http.Headers (>= 2.3)
    Microsoft.AspNetCore.Http.Abstractions (2.3)
      Microsoft.AspNetCore.Http.Features (>= 2.3)
      System.Text.Encodings.Web (>= 8.0)
    Microsoft.AspNetCore.Http.Extensions (2.3)
      Microsoft.AspNetCore.Http.Abstractions (>= 2.3)
      Microsoft.Extensions.FileProviders.Abstractions (>= 8.0)
      Microsoft.Net.Http.Headers (>= 2.3)
      System.Buffers (>= 4.6)
    Microsoft.AspNetCore.Http.Features (2.3)
      Microsoft.Extensions.Primitives (>= 8.0)
    Microsoft.AspNetCore.HttpOverrides (2.3)
      Microsoft.AspNetCore.Http.Extensions (>= 2.3)
      Microsoft.Extensions.Logging.Abstractions (>= 8.0.2)
      Microsoft.Extensions.Options (>= 8.0.2)
    Microsoft.AspNetCore.Metadata (9.0.8) - restriction: || (== net9.0) (&& (== net9.0-windows7.0) (>= net9.0))
    Microsoft.AspNetCore.Mvc.Razor.Extensions (6.0)
      Microsoft.AspNetCore.Razor.Language (>= 6.0)
      Microsoft.CodeAnalysis.Razor (>= 6.0)
    Microsoft.AspNetCore.Razor (2.3)
      Microsoft.AspNetCore.Html.Abstractions (>= 2.3)
    Microsoft.AspNetCore.Razor.Language (6.0)
    Microsoft.AspNetCore.Razor.Runtime (2.3)
      Microsoft.AspNetCore.Html.Abstractions (>= 2.3)
      Microsoft.AspNetCore.Razor (>= 2.3)
    Microsoft.AspNetCore.Routing (2.3)
      Microsoft.AspNetCore.Http.Extensions (>= 2.3)
      Microsoft.AspNetCore.Routing.Abstractions (>= 2.3)
      Microsoft.Extensions.Logging.Abstractions (>= 8.0.2)
      Microsoft.Extensions.ObjectPool (>= 8.0.11)
      Microsoft.Extensions.Options (>= 8.0.2)
    Microsoft.AspNetCore.Routing.Abstractions (2.3)
      Microsoft.AspNetCore.Http.Abstractions (>= 2.3)
    Microsoft.AspNetCore.Server.IISIntegration (2.3)
      Microsoft.AspNetCore.Authentication.Core (>= 2.3)
      Microsoft.AspNetCore.Hosting.Abstractions (>= 2.3)
      Microsoft.AspNetCore.Http (>= 2.3)
      Microsoft.AspNetCore.Http.Extensions (>= 2.3)
      Microsoft.AspNetCore.HttpOverrides (>= 2.3)
      Microsoft.Extensions.Logging.Abstractions (>= 8.0.2)
      Microsoft.Extensions.Options (>= 8.0.2)
      System.Buffers (>= 4.6)
      System.IO.Pipelines (>= 8.0)
      System.Memory (>= 4.6)
      System.Numerics.Vectors (>= 4.6)
      System.Runtime.CompilerServices.Unsafe (>= 6.1)
      System.Security.Principal.Windows (>= 5.0)
    Microsoft.AspNetCore.Server.Kestrel (2.3)
      Microsoft.AspNetCore.Hosting (>= 2.3)
      Microsoft.AspNetCore.Server.Kestrel.Core (>= 2.3)
      Microsoft.AspNetCore.Server.Kestrel.Https (>= 2.3)
      Microsoft.AspNetCore.Server.Kestrel.Transport.Sockets (>= 2.3)
      System.IO.Pipelines (>= 8.0)
    Microsoft.AspNetCore.Server.Kestrel.Core (2.3)
      Microsoft.AspNetCore.Hosting.Abstractions (>= 2.3)
      Microsoft.AspNetCore.Server.Kestrel.Transport.Abstractions (>= 2.3)
      Microsoft.AspNetCore.WebUtilities (>= 2.3)
      Microsoft.Extensions.Configuration (>= 8.0)
      Microsoft.Extensions.Configuration.Binder (>= 8.0.2)
      Microsoft.Extensions.Logging.Abstractions (>= 8.0.2)
      Microsoft.Extensions.Options (>= 8.0.2)
      Microsoft.Net.Http.Headers (>= 2.3)
      System.Memory (>= 4.6)
      System.Numerics.Vectors (>= 4.6)
      System.Runtime.CompilerServices.Unsafe (>= 6.1)
      System.Security.Cryptography.Cng (>= 5.0)
      System.Threading.Tasks.Extensions (>= 4.6)
    Microsoft.AspNetCore.Server.Kestrel.Https (2.3)
      Microsoft.AspNetCore.Http.Abstractions (>= 2.3)
      Microsoft.AspNetCore.Server.Kestrel.Core (>= 2.3)
    Microsoft.AspNetCore.Server.Kestrel.Transport.Abstractions (2.3)
      Microsoft.AspNetCore.Connections.Abstractions (>= 2.3)
      System.IO.Pipelines (>= 8.0)
    Microsoft.AspNetCore.Server.Kestrel.Transport.Sockets (2.3)
      Microsoft.AspNetCore.Hosting.Abstractions (>= 2.3)
      Microsoft.AspNetCore.Server.Kestrel.Transport.Abstractions (>= 2.3)
      Microsoft.Extensions.Options (>= 8.0.2)
    Microsoft.AspNetCore.WebUtilities (2.3)
      Microsoft.Net.Http.Headers (>= 2.3)
      System.Text.Encodings.Web (>= 8.0)
    Microsoft.Bcl.AsyncInterfaces (9.0.8)
    Microsoft.Bcl.Cryptography (9.0.4) - restriction: || (== net9.0) (&& (== net9.0-windows7.0) (< net8.0)) (&& (== net9.0-windows7.0) (>= net9.0))
    Microsoft.CodeAnalysis (4.12)
      Humanizer.Core (>= 2.14.1)
      Microsoft.Bcl.AsyncInterfaces (>= 8.0)
      Microsoft.CodeAnalysis.Analyzers (>= 3.3.4)
      Microsoft.CodeAnalysis.CSharp.Workspaces (4.12)
      Microsoft.CodeAnalysis.VisualBasic.Workspaces (4.12)
      System.Buffers (>= 4.5.1)
      System.Collections.Immutable (>= 8.0)
      System.Composition (>= 8.0)
      System.IO.Pipelines (>= 8.0)
      System.Memory (>= 4.5.5)
      System.Numerics.Vectors (>= 4.5)
      System.Reflection.Metadata (>= 8.0)
      System.Runtime.CompilerServices.Unsafe (>= 6.0)
      System.Text.Encoding.CodePages (>= 7.0)
      System.Threading.Channels (>= 7.0)
      System.Threading.Tasks.Extensions (>= 4.5.4)
    Microsoft.CodeAnalysis.Analyzers (3.3.4)
    Microsoft.CodeAnalysis.Common (4.12)
      Microsoft.CodeAnalysis.Analyzers (>= 3.3.4)
      System.Collections.Immutable (>= 8.0)
      System.Reflection.Metadata (>= 8.0)
    Microsoft.CodeAnalysis.CSharp (4.12)
      Microsoft.CodeAnalysis.Analyzers (>= 3.3.4)
      Microsoft.CodeAnalysis.Common (4.12)
      System.Collections.Immutable (>= 8.0)
      System.Reflection.Metadata (>= 8.0)
    Microsoft.CodeAnalysis.CSharp.Workspaces (4.12)
      Humanizer.Core (>= 2.14.1)
      Microsoft.CodeAnalysis.Analyzers (>= 3.3.4)
      Microsoft.CodeAnalysis.Common (4.12)
      Microsoft.CodeAnalysis.CSharp (4.12)
      Microsoft.CodeAnalysis.Workspaces.Common (4.12)
      System.Collections.Immutable (>= 8.0)
      System.Composition (>= 8.0)
      System.IO.Pipelines (>= 8.0)
      System.Reflection.Metadata (>= 8.0)
      System.Threading.Channels (>= 7.0)
    Microsoft.CodeAnalysis.Razor (6.0)
      Microsoft.AspNetCore.Razor.Language (>= 6.0)
      Microsoft.CodeAnalysis.Common (>= 4.0)
      Microsoft.CodeAnalysis.CSharp (>= 4.0)
    Microsoft.CodeAnalysis.VisualBasic (4.12)
      Microsoft.CodeAnalysis.Analyzers (>= 3.3.4)
      Microsoft.CodeAnalysis.Common (4.12)
      System.Collections.Immutable (>= 8.0)
      System.Reflection.Metadata (>= 8.0)
    Microsoft.CodeAnalysis.VisualBasic.Workspaces (4.12)
      Humanizer.Core (>= 2.14.1)
      Microsoft.CodeAnalysis.Analyzers (>= 3.3.4)
      Microsoft.CodeAnalysis.Common (4.12)
      Microsoft.CodeAnalysis.VisualBasic (4.12)
      Microsoft.CodeAnalysis.Workspaces.Common (4.12)
      System.Collections.Immutable (>= 8.0)
      System.Composition (>= 8.0)
      System.IO.Pipelines (>= 8.0)
      System.Reflection.Metadata (>= 8.0)
      System.Threading.Channels (>= 7.0)
    Microsoft.CodeAnalysis.Workspaces.Common (4.12)
      Humanizer.Core (>= 2.14.1)
      Microsoft.CodeAnalysis.Analyzers (>= 3.3.4)
      Microsoft.CodeAnalysis.Common (4.12)
      System.Collections.Immutable (>= 8.0)
      System.Composition (>= 8.0)
      System.IO.Pipelines (>= 8.0)
      System.Reflection.Metadata (>= 8.0)
      System.Threading.Channels (>= 7.0)
    Microsoft.CodeCoverage (17.14.1)
    Microsoft.CognitiveServices.Speech (1.23)
    Microsoft.CSharp (4.7)
    Microsoft.Data.SqlClient (6.1.1)
      Azure.Core (>= 1.47.1)
      Azure.Identity (>= 1.14.2)
      Microsoft.Bcl.Cryptography (>= 9.0.4) - restriction: || (== net9.0) (&& (== net9.0-windows7.0) (< net8.0)) (&& (== net9.0-windows7.0) (>= net9.0))
      Microsoft.Data.SqlClient.SNI.runtime (>= 6.0.2)
      Microsoft.Extensions.Caching.Memory (>= 9.0.4) - restriction: || (== net9.0) (&& (== net9.0-windows7.0) (< net8.0)) (&& (== net9.0-windows7.0) (>= net9.0))
      Microsoft.IdentityModel.JsonWebTokens (>= 7.7.1)
      Microsoft.IdentityModel.Protocols.OpenIdConnect (>= 7.7.1)
      Microsoft.SqlServer.Server (>= 1.0)
      System.Configuration.ConfigurationManager (>= 9.0.4) - restriction: || (== net9.0) (&& (== net9.0-windows7.0) (< net8.0)) (&& (== net9.0-windows7.0) (>= net9.0))
      System.Security.Cryptography.Pkcs (>= 9.0.4) - restriction: || (== net9.0) (&& (== net9.0-windows7.0) (< net8.0)) (&& (== net9.0-windows7.0) (>= net9.0))
      System.Text.Json (>= 9.0.5) - restriction: || (== net9.0) (&& (== net9.0-windows7.0) (< net8.0)) (&& (== net9.0-windows7.0) (>= net9.0))
    Microsoft.Data.SqlClient.SNI.runtime (6.0.2)
    Microsoft.Extensions.Caching.Abstractions (9.0.8)
      Microsoft.Extensions.Primitives (>= 9.0.8)
    Microsoft.Extensions.Caching.Memory (9.0.8)
      Microsoft.Extensions.Caching.Abstractions (>= 9.0.8)
      Microsoft.Extensions.DependencyInjection.Abstractions (>= 9.0.8)
      Microsoft.Extensions.Logging.Abstractions (>= 9.0.8)
      Microsoft.Extensions.Options (>= 9.0.8)
      Microsoft.Extensions.Primitives (>= 9.0.8)
    Microsoft.Extensions.Configuration (8.0)
      Microsoft.Extensions.Configuration.Abstractions (>= 8.0)
      Microsoft.Extensions.Primitives (>= 8.0)
    Microsoft.Extensions.Configuration.Abstractions (9.0.8)
      Microsoft.Extensions.Primitives (>= 9.0.8)
    Microsoft.Extensions.Configuration.Binder (8.0.2)
      Microsoft.Extensions.Configuration.Abstractions (>= 8.0)
    Microsoft.Extensions.Configuration.CommandLine (8.0)
      Microsoft.Extensions.Configuration (>= 8.0)
      Microsoft.Extensions.Configuration.Abstractions (>= 8.0)
    Microsoft.Extensions.Configuration.EnvironmentVariables (8.0)
      Microsoft.Extensions.Configuration (>= 8.0)
      Microsoft.Extensions.Configuration.Abstractions (>= 8.0)
    Microsoft.Extensions.Configuration.FileExtensions (8.0.1)
      Microsoft.Extensions.Configuration (>= 8.0)
      Microsoft.Extensions.Configuration.Abstractions (>= 8.0)
      Microsoft.Extensions.FileProviders.Abstractions (>= 8.0)
      Microsoft.Extensions.FileProviders.Physical (>= 8.0)
      Microsoft.Extensions.Primitives (>= 8.0)
    Microsoft.Extensions.Configuration.Json (8.0.1)
      Microsoft.Extensions.Configuration (>= 8.0)
      Microsoft.Extensions.Configuration.Abstractions (>= 8.0)
      Microsoft.Extensions.Configuration.FileExtensions (>= 8.0.1)
      Microsoft.Extensions.FileProviders.Abstractions (>= 8.0)
    Microsoft.Extensions.Configuration.UserSecrets (8.0.1)
      Microsoft.Extensions.Configuration.Abstractions (>= 8.0)
      Microsoft.Extensions.Configuration.Json (>= 8.0.1)
      Microsoft.Extensions.FileProviders.Abstractions (>= 8.0)
      Microsoft.Extensions.FileProviders.Physical (>= 8.0)
    Microsoft.Extensions.DependencyInjection (8.0.1)
      Microsoft.Extensions.DependencyInjection.Abstractions (>= 8.0.2)
    Microsoft.Extensions.DependencyInjection.Abstractions (9.0.8)
    Microsoft.Extensions.DependencyModel (9.0)
    Microsoft.Extensions.Diagnostics.Abstractions (8.0.1)
      Microsoft.Extensions.DependencyInjection.Abstractions (>= 8.0.2)
      Microsoft.Extensions.Options (>= 8.0.2)
    Microsoft.Extensions.FileProviders.Abstractions (9.0.8)
      Microsoft.Extensions.Primitives (>= 9.0.8)
    Microsoft.Extensions.FileProviders.Physical (8.0)
      Microsoft.Extensions.FileProviders.Abstractions (>= 8.0)
      Microsoft.Extensions.FileSystemGlobbing (>= 8.0)
      Microsoft.Extensions.Primitives (>= 8.0)
    Microsoft.Extensions.FileSystemGlobbing (8.0)
    Microsoft.Extensions.Hosting (6.0)
      Microsoft.Extensions.Configuration (>= 6.0)
      Microsoft.Extensions.Configuration.Abstractions (>= 6.0)
      Microsoft.Extensions.Configuration.Binder (>= 6.0)
      Microsoft.Extensions.Configuration.CommandLine (>= 6.0)
      Microsoft.Extensions.Configuration.EnvironmentVariables (>= 6.0)
      Microsoft.Extensions.Configuration.FileExtensions (>= 6.0)
      Microsoft.Extensions.Configuration.Json (>= 6.0)
      Microsoft.Extensions.Configuration.UserSecrets (>= 6.0)
      Microsoft.Extensions.DependencyInjection (>= 6.0)
      Microsoft.Extensions.DependencyInjection.Abstractions (>= 6.0)
      Microsoft.Extensions.FileProviders.Abstractions (>= 6.0)
      Microsoft.Extensions.FileProviders.Physical (>= 6.0)
      Microsoft.Extensions.Hosting.Abstractions (>= 6.0)
      Microsoft.Extensions.Logging (>= 6.0)
      Microsoft.Extensions.Logging.Abstractions (>= 6.0)
      Microsoft.Extensions.Logging.Configuration (>= 6.0)
      Microsoft.Extensions.Logging.Console (>= 6.0)
      Microsoft.Extensions.Logging.Debug (>= 6.0)
      Microsoft.Extensions.Logging.EventLog (>= 6.0)
      Microsoft.Extensions.Logging.EventSource (>= 6.0)
      Microsoft.Extensions.Options (>= 6.0)
    Microsoft.Extensions.Hosting.Abstractions (8.0.1)
      Microsoft.Extensions.Configuration.Abstractions (>= 8.0)
      Microsoft.Extensions.DependencyInjection.Abstractions (>= 8.0.2)
      Microsoft.Extensions.Diagnostics.Abstractions (>= 8.0.1)
      Microsoft.Extensions.FileProviders.Abstractions (>= 8.0)
      Microsoft.Extensions.Logging.Abstractions (>= 8.0.2)
    Microsoft.Extensions.Logging (8.0.1)
      Microsoft.Extensions.DependencyInjection (>= 8.0.1)
      Microsoft.Extensions.Logging.Abstractions (>= 8.0.2)
      Microsoft.Extensions.Options (>= 8.0.2)
    Microsoft.Extensions.Logging.Abstractions (9.0.8)
      Microsoft.Extensions.DependencyInjection.Abstractions (>= 9.0.8)
    Microsoft.Extensions.Logging.Configuration (8.0.1)
      Microsoft.Extensions.Configuration (>= 8.0)
      Microsoft.Extensions.Configuration.Abstractions (>= 8.0)
      Microsoft.Extensions.Configuration.Binder (>= 8.0.2)
      Microsoft.Extensions.DependencyInjection.Abstractions (>= 8.0.2)
      Microsoft.Extensions.Logging (>= 8.0.1)
      Microsoft.Extensions.Logging.Abstractions (>= 8.0.2)
      Microsoft.Extensions.Options (>= 8.0.2)
      Microsoft.Extensions.Options.ConfigurationExtensions (>= 8.0)
    Microsoft.Extensions.Logging.Console (8.0.1)
      Microsoft.Extensions.DependencyInjection.Abstractions (>= 8.0.2)
      Microsoft.Extensions.Logging (>= 8.0.1)
      Microsoft.Extensions.Logging.Abstractions (>= 8.0.2)
      Microsoft.Extensions.Logging.Configuration (>= 8.0.1)
      Microsoft.Extensions.Options (>= 8.0.2)
    Microsoft.Extensions.Logging.Debug (8.0.1)
      Microsoft.Extensions.DependencyInjection.Abstractions (>= 8.0.2)
      Microsoft.Extensions.Logging (>= 8.0.1)
      Microsoft.Extensions.Logging.Abstractions (>= 8.0.2)
    Microsoft.Extensions.Logging.EventLog (6.0)
      Microsoft.Extensions.DependencyInjection.Abstractions (>= 6.0)
      Microsoft.Extensions.Logging (>= 6.0)
      Microsoft.Extensions.Logging.Abstractions (>= 6.0)
      Microsoft.Extensions.Options (>= 6.0)
      System.Diagnostics.EventLog (>= 6.0)
    Microsoft.Extensions.Logging.EventSource (6.0)
      Microsoft.Extensions.DependencyInjection.Abstractions (>= 6.0)
      Microsoft.Extensions.Logging (>= 6.0)
      Microsoft.Extensions.Logging.Abstractions (>= 6.0)
      Microsoft.Extensions.Options (>= 6.0)
      Microsoft.Extensions.Primitives (>= 6.0)
      System.Runtime.CompilerServices.Unsafe (>= 6.0)
      System.Text.Json (>= 6.0)
    Microsoft.Extensions.ObjectPool (8.0.11)
    Microsoft.Extensions.Options (9.0.8)
      Microsoft.Extensions.DependencyInjection.Abstractions (>= 9.0.8)
      Microsoft.Extensions.Primitives (>= 9.0.8)
    Microsoft.Extensions.Options.ConfigurationExtensions (8.0)
      Microsoft.Extensions.Configuration.Abstractions (>= 8.0)
      Microsoft.Extensions.Configuration.Binder (>= 8.0)
      Microsoft.Extensions.DependencyInjection.Abstractions (>= 8.0)
      Microsoft.Extensions.Options (>= 8.0)
      Microsoft.Extensions.Primitives (>= 8.0)
    Microsoft.Extensions.Primitives (9.0.8)
    Microsoft.Graph.Beta (4.22.0-preview)
      Microsoft.Graph.Core (>= 2.0.5)
      System.Net.Http (>= 4.3.4)
    Microsoft.Graph.Core (3.0)
      Microsoft.IdentityModel.Protocols.OpenIdConnect (>= 6.27)
      Microsoft.Kiota.Abstractions (>= 1.0)
      Microsoft.Kiota.Authentication.Azure (>= 1.0)
      Microsoft.Kiota.Http.HttpClientLibrary (>= 1.0)
      Microsoft.Kiota.Serialization.Form (>= 1.0)
      Microsoft.Kiota.Serialization.Json (>= 1.0)
      Microsoft.Kiota.Serialization.Text (>= 1.0)
      NETStandard.Library (>= 2.0.3)
      System.Security.Claims (>= 4.3)
    Microsoft.Identity.Client (4.73.1)
      Microsoft.IdentityModel.Abstractions (>= 6.35)
      System.Diagnostics.DiagnosticSource (>= 6.0.1)
    Microsoft.Identity.Client.Extensions.Msal (4.73.1)
      Microsoft.Identity.Client (>= 4.73.1)
      System.Security.Cryptography.ProtectedData (>= 4.5)
    Microsoft.IdentityModel.Abstractions (8.14)
    Microsoft.IdentityModel.JsonWebTokens (8.14)
      Microsoft.IdentityModel.Tokens (>= 8.14)
    Microsoft.IdentityModel.Logging (8.14)
      Microsoft.IdentityModel.Abstractions (>= 8.14)
    Microsoft.IdentityModel.Protocols (8.14)
      Microsoft.IdentityModel.Tokens (>= 8.14)
    Microsoft.IdentityModel.Protocols.OpenIdConnect (8.14)
      Microsoft.IdentityModel.Protocols (>= 8.14)
      System.IdentityModel.Tokens.Jwt (>= 8.14)
    Microsoft.IdentityModel.Tokens (8.14)
      Microsoft.Extensions.Logging.Abstractions (>= 8.0)
      Microsoft.IdentityModel.Logging (>= 8.14)
    Microsoft.Kiota.Abstractions (1.0)
      System.Diagnostics.DiagnosticSource (>= 7.0.1)
      Tavis.UriTemplates (>= 2.0)
    Microsoft.Kiota.Authentication.Azure (1.0)
      Azure.Core (>= 1.28)
      Microsoft.Kiota.Abstractions (>= 1.0)
      System.Diagnostics.DiagnosticSource (>= 7.0.1)
    Microsoft.Kiota.Http.HttpClientLibrary (1.0)
      Microsoft.Kiota.Abstractions (>= 1.0)
      System.Diagnostics.DiagnosticSource (>= 7.0.1)
      System.Text.Json (>= 7.0.2)
    Microsoft.Kiota.Serialization.Form (1.0)
      Microsoft.Kiota.Abstractions (>= 1.0)
    Microsoft.Kiota.Serialization.Json (1.0)
      Microsoft.Kiota.Abstractions (>= 1.0)
      System.Text.Json (>= 7.0.2)
    Microsoft.Kiota.Serialization.Text (1.0)
      Microsoft.Kiota.Abstractions (>= 1.0)
    Microsoft.Net.Http.Headers (2.3)
      Microsoft.Extensions.Primitives (>= 8.0)
      System.Buffers (>= 4.6)
    Microsoft.NET.StringTools (17.11.4)
    Microsoft.NET.Test.Sdk (17.14.1)
      Microsoft.CodeCoverage (>= 17.14.1)
      Microsoft.TestPlatform.TestHost (>= 17.14.1)
    Microsoft.NETCore.Platforms (7.0.4)
    Microsoft.NETCore.Targets (5.0)
    Microsoft.Reactive.Testing (5.0)
      System.Reactive (>= 5.0)
    Microsoft.SqlServer.Server (1.0)
    Microsoft.TestPlatform.ObjectModel (17.14.1)
      System.Reflection.Metadata (>= 8.0)
    Microsoft.TestPlatform.TestHost (17.14.1)
      Microsoft.TestPlatform.ObjectModel (>= 17.14.1)
      Newtonsoft.Json (>= 13.0.3)
    Microsoft.VisualBasic (10.3)
    Microsoft.Win32.Registry (5.0)
      System.Security.AccessControl (>= 5.0)
      System.Security.Principal.Windows (>= 5.0)
    Microsoft.Win32.Registry.AccessControl (9.0.8)
    Microsoft.Win32.SystemEvents (9.0.8)
    Microsoft.Windows.Compatibility (9.0.8)
      Microsoft.Win32.Registry.AccessControl (>= 9.0.8)
      Microsoft.Win32.SystemEvents (>= 9.0.8)
      System.CodeDom (>= 9.0.8)
      System.ComponentModel.Composition (>= 9.0.8)
      System.ComponentModel.Composition.Registration (>= 9.0.8)
      System.Configuration.ConfigurationManager (>= 9.0.8)
      System.Data.Odbc (>= 9.0.8)
      System.Data.OleDb (>= 9.0.8)
      System.Data.SqlClient (>= 4.9)
      System.Diagnostics.EventLog (>= 9.0.8)
      System.Diagnostics.PerformanceCounter (>= 9.0.8)
      System.DirectoryServices (>= 9.0.8)
      System.DirectoryServices.AccountManagement (>= 9.0.8)
      System.DirectoryServices.Protocols (>= 9.0.8)
      System.Drawing.Common (>= 9.0.8)
      System.IO.Packaging (>= 9.0.8)
      System.IO.Ports (>= 9.0.8)
      System.Management (>= 9.0.8)
      System.Reflection.Context (>= 9.0.8)
      System.Runtime.Caching (>= 9.0.8)
      System.Security.Cryptography.Pkcs (>= 9.0.8)
      System.Security.Cryptography.ProtectedData (>= 9.0.8)
      System.Security.Cryptography.Xml (>= 9.0.8)
      System.Security.Permissions (>= 9.0.8)
      System.Security.Principal.Windows (>= 5.0)
      System.ServiceModel.Duplex (>= 4.10.3)
      System.ServiceModel.Http (>= 4.10.3)
      System.ServiceModel.NetTcp (>= 4.10.3)
      System.ServiceModel.Primitives (>= 4.10.3)
      System.ServiceModel.Security (>= 4.10.3)
      System.ServiceModel.Syndication (>= 9.0.8)
      System.ServiceProcess.ServiceController (>= 9.0.8)
      System.Speech (>= 9.0.8)
      System.Text.Encoding.CodePages (>= 9.0.8)
      System.Threading.AccessControl (>= 9.0.8)
      System.Web.Services.Description (>= 4.10.3)
    Mono.Cecil (0.11.6)
    Moq (4.16)
      Castle.Core (>= 4.4)
      System.Threading.Tasks.Extensions (>= 4.5.4)
    NAudio (2.1)
      NAudio.Asio (>= 2.1)
      NAudio.Core (>= 2.1)
      NAudio.Midi (>= 2.1)
      NAudio.Wasapi (>= 2.1)
      NAudio.WinMM (>= 2.1)
    NAudio.Asio (2.1)
      Microsoft.Win32.Registry (>= 4.7)
      NAudio.Core (>= 2.1)
    NAudio.Core (2.1)
    NAudio.Midi (2.1)
      NAudio.Core (>= 2.1)
    NAudio.Wasapi (2.1)
      NAudio.Core (>= 2.1)
    NAudio.WinMM (2.1)
      Microsoft.Win32.Registry (>= 4.7)
      NAudio.Core (>= 2.1)
    NETStandard.Library (2.0.3)
      Microsoft.NETCore.Platforms (>= 1.1)
    Newtonsoft.Json (13.0.3)
    NUnit (3.13.2)
      NETStandard.Library (>= 2.0)
    NUnit3TestAdapter (4.0)
    Polly (7.2.2)
    RazorLight (2.3.1)
      Microsoft.AspNetCore.Mvc.Razor.Extensions (>= 6.0)
      Microsoft.CodeAnalysis.Razor (>= 6.0)
      Microsoft.Extensions.Caching.Abstractions (>= 6.0)
      Microsoft.Extensions.Caching.Memory (>= 6.0)
      Microsoft.Extensions.DependencyInjection (>= 6.0)
      Microsoft.Extensions.DependencyModel (>= 6.0)
      Microsoft.Extensions.FileProviders.Physical (>= 6.0)
      Microsoft.Extensions.Primitives (>= 6.0)
      System.Buffers (>= 4.5.1)
    runtime.android-arm.runtime.native.System.IO.Ports (9.0.8)
    runtime.android-arm64.runtime.native.System.IO.Ports (9.0.8)
    runtime.android-x64.runtime.native.System.IO.Ports (9.0.8)
    runtime.android-x86.runtime.native.System.IO.Ports (9.0.8)
    runtime.debian.8-x64.runtime.native.System.Security.Cryptography.OpenSsl (4.3.2)
    runtime.fedora.23-x64.runtime.native.System.Security.Cryptography.OpenSsl (4.3.2)
    runtime.fedora.24-x64.runtime.native.System.Security.Cryptography.OpenSsl (4.3.2)
    runtime.linux-arm.runtime.native.System.IO.Ports (9.0.8)
    runtime.linux-arm64.runtime.native.System.IO.Ports (9.0.8)
    runtime.linux-bionic-arm64.runtime.native.System.IO.Ports (9.0.8)
    runtime.linux-bionic-x64.runtime.native.System.IO.Ports (9.0.8)
    runtime.linux-musl-arm.runtime.native.System.IO.Ports (9.0.8)
    runtime.linux-musl-arm64.runtime.native.System.IO.Ports (9.0.8)
    runtime.linux-musl-x64.runtime.native.System.IO.Ports (9.0.8)
    runtime.linux-x64.runtime.native.System.IO.Ports (9.0.8)
    runtime.maccatalyst-arm64.runtime.native.System.IO.Ports (9.0.8)
    runtime.maccatalyst-x64.runtime.native.System.IO.Ports (9.0.8)
    runtime.native.System (4.3)
      Microsoft.NETCore.Platforms (>= 1.1)
      Microsoft.NETCore.Targets (>= 1.1)
    runtime.native.System.Data.SqlClient.sni (4.7)
      runtime.win-arm64.runtime.native.System.Data.SqlClient.sni (>= 4.4)
      runtime.win-x64.runtime.native.System.Data.SqlClient.sni (>= 4.4)
      runtime.win-x86.runtime.native.System.Data.SqlClient.sni (>= 4.4)
    runtime.native.System.IO.Ports (9.0.8)
      runtime.android-arm.runtime.native.System.IO.Ports (>= 9.0.8)
      runtime.android-arm64.runtime.native.System.IO.Ports (>= 9.0.8)
      runtime.android-x64.runtime.native.System.IO.Ports (>= 9.0.8)
      runtime.android-x86.runtime.native.System.IO.Ports (>= 9.0.8)
      runtime.linux-arm.runtime.native.System.IO.Ports (>= 9.0.8)
      runtime.linux-arm64.runtime.native.System.IO.Ports (>= 9.0.8)
      runtime.linux-bionic-arm64.runtime.native.System.IO.Ports (>= 9.0.8)
      runtime.linux-bionic-x64.runtime.native.System.IO.Ports (>= 9.0.8)
      runtime.linux-musl-arm.runtime.native.System.IO.Ports (>= 9.0.8)
      runtime.linux-musl-arm64.runtime.native.System.IO.Ports (>= 9.0.8)
      runtime.linux-musl-x64.runtime.native.System.IO.Ports (>= 9.0.8)
      runtime.linux-x64.runtime.native.System.IO.Ports (>= 9.0.8)
      runtime.maccatalyst-arm64.runtime.native.System.IO.Ports (>= 9.0.8)
      runtime.maccatalyst-x64.runtime.native.System.IO.Ports (>= 9.0.8)
      runtime.osx-arm64.runtime.native.System.IO.Ports (>= 9.0.8)
      runtime.osx-x64.runtime.native.System.IO.Ports (>= 9.0.8)
    runtime.native.System.Net.Http (4.3)
      Microsoft.NETCore.Platforms (>= 1.1)
      Microsoft.NETCore.Targets (>= 1.1)
    runtime.native.System.Security.Cryptography.Apple (4.3)
      runtime.osx.10.10-x64.runtime.native.System.Security.Cryptography.Apple (>= 4.3)
    runtime.native.System.Security.Cryptography.OpenSsl (4.3.2)
      runtime.debian.8-x64.runtime.native.System.Security.Cryptography.OpenSsl (>= 4.3.2)
      runtime.fedora.23-x64.runtime.native.System.Security.Cryptography.OpenSsl (>= 4.3.2)
      runtime.fedora.24-x64.runtime.native.System.Security.Cryptography.OpenSsl (>= 4.3.2)
      runtime.opensuse.13.2-x64.runtime.native.System.Security.Cryptography.OpenSsl (>= 4.3.2)
      runtime.opensuse.42.1-x64.runtime.native.System.Security.Cryptography.OpenSsl (>= 4.3.2)
      runtime.osx.10.10-x64.runtime.native.System.Security.Cryptography.OpenSsl (>= 4.3.2)
      runtime.rhel.7-x64.runtime.native.System.Security.Cryptography.OpenSsl (>= 4.3.2)
      runtime.ubuntu.14.04-x64.runtime.native.System.Security.Cryptography.OpenSsl (>= 4.3.2)
      runtime.ubuntu.16.04-x64.runtime.native.System.Security.Cryptography.OpenSsl (>= 4.3.2)
      runtime.ubuntu.16.10-x64.runtime.native.System.Security.Cryptography.OpenSsl (>= 4.3.2)
    runtime.opensuse.13.2-x64.runtime.native.System.Security.Cryptography.OpenSsl (4.3.2)
    runtime.opensuse.42.1-x64.runtime.native.System.Security.Cryptography.OpenSsl (4.3.2)
    runtime.osx-arm64.runtime.native.System.IO.Ports (9.0.8)
    runtime.osx-x64.runtime.native.System.IO.Ports (9.0.8)
    runtime.osx.10.10-x64.runtime.native.System.Security.Cryptography.Apple (4.3)
    runtime.osx.10.10-x64.runtime.native.System.Security.Cryptography.OpenSsl (4.3.2)
    runtime.rhel.7-x64.runtime.native.System.Security.Cryptography.OpenSsl (4.3.2)
    runtime.ubuntu.14.04-x64.runtime.native.System.Security.Cryptography.OpenSsl (4.3.2)
    runtime.ubuntu.16.04-x64.runtime.native.System.Security.Cryptography.OpenSsl (4.3.2)
    runtime.ubuntu.16.10-x64.runtime.native.System.Security.Cryptography.OpenSsl (4.3.2)
    runtime.win-arm64.runtime.native.System.Data.SqlClient.sni (4.4)
    runtime.win-x64.runtime.native.System.Data.SqlClient.sni (4.4)
    runtime.win-x86.runtime.native.System.Data.SqlClient.sni (4.4)
    Selenium.Support (4.4)
      Selenium.WebDriver (>= 4.4)
    Selenium.WebDriver (4.21)
      Newtonsoft.Json (>= 13.0.1)
    Shouldly (4.3)
      DiffEngine (>= 11.3)
      EmptyFiles (>= 4.4)
    System.Buffers (4.6.1)
    System.ClientModel (1.6.1)
      Microsoft.Extensions.Logging.Abstractions (>= 8.0.3)
      System.Memory.Data (>= 8.0.1)
    System.CodeDom (9.0.8)
    System.Collections (4.3)
      Microsoft.NETCore.Platforms (>= 1.1)
      Microsoft.NETCore.Targets (>= 1.1)
      System.Runtime (>= 4.3)
    System.Collections.Concurrent (4.3)
      System.Collections (>= 4.3)
      System.Diagnostics.Debug (>= 4.3)
      System.Diagnostics.Tracing (>= 4.3)
      System.Globalization (>= 4.3)
      System.Reflection (>= 4.3)
      System.Resources.ResourceManager (>= 4.3)
      System.Runtime (>= 4.3)
      System.Runtime.Extensions (>= 4.3)
      System.Threading (>= 4.3)
      System.Threading.Tasks (>= 4.3)
    System.Collections.Immutable (9.0.8)
    System.Collections.NonGeneric (4.3)
      System.Diagnostics.Debug (>= 4.3)
      System.Globalization (>= 4.3)
      System.Resources.ResourceManager (>= 4.3)
      System.Runtime (>= 4.3)
      System.Runtime.Extensions (>= 4.3)
      System.Threading (>= 4.3)
    System.Collections.Specialized (4.3)
      System.Collections.NonGeneric (>= 4.3)
      System.Globalization (>= 4.3)
      System.Globalization.Extensions (>= 4.3)
      System.Resources.ResourceManager (>= 4.3)
      System.Runtime (>= 4.3)
      System.Runtime.Extensions (>= 4.3)
      System.Threading (>= 4.3)
    System.ComponentModel (4.3)
      System.Runtime (>= 4.3)
    System.ComponentModel.Composition (9.0.8)
    System.ComponentModel.Composition.Registration (9.0.8)
      System.ComponentModel.Composition (>= 9.0.8)
      System.Reflection.Context (>= 9.0.8)
    System.ComponentModel.Primitives (4.3)
      System.ComponentModel (>= 4.3)
      System.Resources.ResourceManager (>= 4.3)
      System.Runtime (>= 4.3)
    System.ComponentModel.TypeConverter (4.3)
      System.Collections (>= 4.3)
      System.Collections.NonGeneric (>= 4.3)
      System.Collections.Specialized (>= 4.3)
      System.ComponentModel (>= 4.3)
      System.ComponentModel.Primitives (>= 4.3)
      System.Globalization (>= 4.3)
      System.Linq (>= 4.3)
      System.Reflection (>= 4.3)
      System.Reflection.Extensions (>= 4.3)
      System.Reflection.Primitives (>= 4.3)
      System.Reflection.TypeExtensions (>= 4.3)
      System.Resources.ResourceManager (>= 4.3)
      System.Runtime (>= 4.3)
      System.Runtime.Extensions (>= 4.3)
      System.Threading (>= 4.3)
    System.Composition (8.0)
      System.Composition.AttributedModel (>= 8.0)
      System.Composition.Convention (>= 8.0)
      System.Composition.Hosting (>= 8.0)
      System.Composition.Runtime (>= 8.0)
      System.Composition.TypedParts (>= 8.0)
    System.Composition.AttributedModel (8.0)
    System.Composition.Convention (8.0)
      System.Composition.AttributedModel (>= 8.0)
    System.Composition.Hosting (8.0)
      System.Composition.Runtime (>= 8.0)
    System.Composition.Runtime (8.0)
    System.Composition.TypedParts (8.0)
      System.Composition.AttributedModel (>= 8.0)
      System.Composition.Hosting (>= 8.0)
      System.Composition.Runtime (>= 8.0)
    System.Configuration.ConfigurationManager (9.0.8)
      System.Diagnostics.EventLog (>= 9.0.8)
      System.Security.Cryptography.ProtectedData (>= 9.0.8)
    System.Data.Odbc (9.0.8)
    System.Data.OleDb (9.0.8)
      System.Configuration.ConfigurationManager (>= 9.0.8)
      System.Diagnostics.PerformanceCounter (>= 9.0.8)
    System.Data.SqlClient (4.9)
      runtime.native.System.Data.SqlClient.sni (>= 4.4)
    System.Diagnostics.Debug (4.3)
      Microsoft.NETCore.Platforms (>= 1.1)
      Microsoft.NETCore.Targets (>= 1.1)
      System.Runtime (>= 4.3)
    System.Diagnostics.DiagnosticSource (9.0.8)
    System.Diagnostics.EventLog (9.0.8)
    System.Diagnostics.PerformanceCounter (9.0.8)
      System.Configuration.ConfigurationManager (>= 9.0.8)
    System.Diagnostics.TraceSource (4.3)
      Microsoft.NETCore.Platforms (>= 1.1)
      runtime.native.System (>= 4.3)
      System.Collections (>= 4.3)
      System.Diagnostics.Debug (>= 4.3)
      System.Globalization (>= 4.3)
      System.Resources.ResourceManager (>= 4.3)
      System.Runtime (>= 4.3)
      System.Runtime.Extensions (>= 4.3)
      System.Threading (>= 4.3)
    System.Diagnostics.Tracing (4.3)
      Microsoft.NETCore.Platforms (>= 1.1)
      Microsoft.NETCore.Targets (>= 1.1)
      System.Runtime (>= 4.3)
    System.DirectoryServices (9.0.8)
    System.DirectoryServices.AccountManagement (9.0.8)
      System.Configuration.ConfigurationManager (>= 9.0.8)
      System.DirectoryServices (>= 9.0.8)
      System.DirectoryServices.Protocols (>= 9.0.8)
    System.DirectoryServices.Protocols (9.0.8)
    System.Drawing.Common (9.0.8)
      Microsoft.Win32.SystemEvents (>= 9.0.8)
    System.Dynamic.Runtime (4.3)
      System.Collections (>= 4.3)
      System.Diagnostics.Debug (>= 4.3)
      System.Linq (>= 4.3)
      System.Linq.Expressions (>= 4.3)
      System.ObjectModel (>= 4.3)
      System.Reflection (>= 4.3)
      System.Reflection.Emit (>= 4.3)
      System.Reflection.Emit.ILGeneration (>= 4.3)
      System.Reflection.Primitives (>= 4.3)
      System.Reflection.TypeExtensions (>= 4.3)
      System.Resources.ResourceManager (>= 4.3)
      System.Runtime (>= 4.3)
      System.Runtime.Extensions (>= 4.3)
      System.Threading (>= 4.3)
    System.Formats.Asn1 (9.0.8)
    System.Globalization (4.3)
      Microsoft.NETCore.Platforms (>= 1.1)
      Microsoft.NETCore.Targets (>= 1.1)
      System.Runtime (>= 4.3)
    System.Globalization.Calendars (4.3)
      Microsoft.NETCore.Platforms (>= 1.1)
      Microsoft.NETCore.Targets (>= 1.1)
      System.Globalization (>= 4.3)
      System.Runtime (>= 4.3)
    System.Globalization.Extensions (4.3)
      Microsoft.NETCore.Platforms (>= 1.1)
      System.Globalization (>= 4.3)
      System.Resources.ResourceManager (>= 4.3)
      System.Runtime (>= 4.3)
      System.Runtime.Extensions (>= 4.3)
      System.Runtime.InteropServices (>= 4.3)
    System.IdentityModel.Tokens.Jwt (8.14)
      Microsoft.IdentityModel.JsonWebTokens (>= 8.14)
      Microsoft.IdentityModel.Tokens (>= 8.14)
    System.Interactive (6.0.1)
    System.Interactive.Async (6.0.1)
      System.Linq.Async (>= 6.0.1)
    System.IO (4.3)
      Microsoft.NETCore.Platforms (>= 1.1)
      Microsoft.NETCore.Targets (>= 1.1)
      System.Runtime (>= 4.3)
      System.Text.Encoding (>= 4.3)
      System.Threading.Tasks (>= 4.3)
    System.IO.FileSystem (4.3)
      Microsoft.NETCore.Platforms (>= 1.1)
      Microsoft.NETCore.Targets (>= 1.1)
      System.IO (>= 4.3)
      System.IO.FileSystem.Primitives (>= 4.3)
      System.Runtime (>= 4.3)
      System.Runtime.Handles (>= 4.3)
      System.Text.Encoding (>= 4.3)
      System.Threading.Tasks (>= 4.3)
    System.IO.FileSystem.Primitives (4.3)
      System.Runtime (>= 4.3)
    System.IO.Packaging (9.0.8)
    System.IO.Pipelines (9.0)
    System.IO.Ports (9.0.8)
      runtime.native.System.IO.Ports (>= 9.0.8)
    System.Linq (4.3)
      System.Collections (>= 4.3)
      System.Diagnostics.Debug (>= 4.3)
      System.Resources.ResourceManager (>= 4.3)
      System.Runtime (>= 4.3)
      System.Runtime.Extensions (>= 4.3)
    System.Linq.Async (6.0.1)
      Microsoft.Bcl.AsyncInterfaces (>= 6.0)
    System.Linq.Expressions (4.3)
      System.Collections (>= 4.3)
      System.Diagnostics.Debug (>= 4.3)
      System.Globalization (>= 4.3)
      System.IO (>= 4.3)
      System.Linq (>= 4.3)
      System.ObjectModel (>= 4.3)
      System.Reflection (>= 4.3)
      System.Reflection.Emit (>= 4.3)
      System.Reflection.Emit.ILGeneration (>= 4.3)
      System.Reflection.Emit.Lightweight (>= 4.3)
      System.Reflection.Extensions (>= 4.3)
      System.Reflection.Primitives (>= 4.3)
      System.Reflection.TypeExtensions (>= 4.3)
      System.Resources.ResourceManager (>= 4.3)
      System.Runtime (>= 4.3)
      System.Runtime.Extensions (>= 4.3)
      System.Threading (>= 4.3)
    System.Management (9.0.8)
      System.CodeDom (>= 9.0.8)
    System.Memory (4.6.3)
    System.Memory.Data (8.0.1)
    System.Net.Http (4.3.4)
      Microsoft.NETCore.Platforms (>= 1.1.1)
      runtime.native.System (>= 4.3)
      runtime.native.System.Net.Http (>= 4.3)
      runtime.native.System.Security.Cryptography.OpenSsl (>= 4.3.2)
      System.Collections (>= 4.3)
      System.Diagnostics.Debug (>= 4.3)
      System.Diagnostics.DiagnosticSource (>= 4.3)
      System.Diagnostics.Tracing (>= 4.3)
      System.Globalization (>= 4.3)
      System.Globalization.Extensions (>= 4.3)
      System.IO (>= 4.3)
      System.IO.FileSystem (>= 4.3)
      System.Net.Primitives (>= 4.3)
      System.Resources.ResourceManager (>= 4.3)
      System.Runtime (>= 4.3)
      System.Runtime.Extensions (>= 4.3)
      System.Runtime.Handles (>= 4.3)
      System.Runtime.InteropServices (>= 4.3)
      System.Security.Cryptography.Algorithms (>= 4.3)
      System.Security.Cryptography.Encoding (>= 4.3)
      System.Security.Cryptography.OpenSsl (>= 4.3)
      System.Security.Cryptography.Primitives (>= 4.3)
      System.Security.Cryptography.X509Certificates (>= 4.3)
      System.Text.Encoding (>= 4.3)
      System.Threading (>= 4.3)
      System.Threading.Tasks (>= 4.3)
    System.Net.Primitives (4.3)
      Microsoft.NETCore.Platforms (>= 1.1)
      Microsoft.NETCore.Targets (>= 1.1)
      System.Runtime (>= 4.3)
      System.Runtime.Handles (>= 4.3)
    System.Numerics.Vectors (4.6.1)
    System.ObjectModel (4.3)
      System.Collections (>= 4.3)
      System.Diagnostics.Debug (>= 4.3)
      System.Resources.ResourceManager (>= 4.3)
      System.Runtime (>= 4.3)
      System.Threading (>= 4.3)
    System.Reactive (6.0.1)
    System.Reflection (4.3)
      Microsoft.NETCore.Platforms (>= 1.1)
      Microsoft.NETCore.Targets (>= 1.1)
      System.IO (>= 4.3)
      System.Reflection.Primitives (>= 4.3)
      System.Runtime (>= 4.3)
    System.Reflection.Context (9.0.8)
    System.Reflection.Emit (4.7)
    System.Reflection.Emit.ILGeneration (4.7)
    System.Reflection.Emit.Lightweight (4.7)
    System.Reflection.Extensions (4.3)
      Microsoft.NETCore.Platforms (>= 1.1)
      Microsoft.NETCore.Targets (>= 1.1)
      System.Reflection (>= 4.3)
      System.Runtime (>= 4.3)
    System.Reflection.Metadata (9.0.8)
    System.Reflection.Primitives (4.3)
      Microsoft.NETCore.Platforms (>= 1.1)
      Microsoft.NETCore.Targets (>= 1.1)
      System.Runtime (>= 4.3)
    System.Reflection.TypeExtensions (4.3)
      System.Reflection (>= 4.3)
      System.Runtime (>= 4.3)
    System.Resources.Extensions (8.0)
    System.Resources.ResourceManager (4.3)
      Microsoft.NETCore.Platforms (>= 1.1)
      Microsoft.NETCore.Targets (>= 1.1)
      System.Globalization (>= 4.3)
      System.Reflection (>= 4.3)
      System.Runtime (>= 4.3)
    System.Runtime (4.3)
      Microsoft.NETCore.Platforms (>= 1.1)
      Microsoft.NETCore.Targets (>= 1.1)
    System.Runtime.Caching (9.0.8)
      System.Configuration.ConfigurationManager (>= 9.0.8)
    System.Runtime.CompilerServices.Unsafe (6.1.2)
    System.Runtime.Extensions (4.3)
      Microsoft.NETCore.Platforms (>= 1.1)
      Microsoft.NETCore.Targets (>= 1.1)
      System.Runtime (>= 4.3)
    System.Runtime.Handles (4.3)
      Microsoft.NETCore.Platforms (>= 1.1)
      Microsoft.NETCore.Targets (>= 1.1)
      System.Runtime (>= 4.3)
    System.Runtime.InteropServices (4.3)
      Microsoft.NETCore.Platforms (>= 1.1)
      Microsoft.NETCore.Targets (>= 1.1)
      System.Reflection (>= 4.3)
      System.Reflection.Primitives (>= 4.3)
      System.Runtime (>= 4.3)
      System.Runtime.Handles (>= 4.3)
    System.Runtime.Numerics (4.3)
      System.Globalization (>= 4.3)
      System.Resources.ResourceManager (>= 4.3)
      System.Runtime (>= 4.3)
      System.Runtime.Extensions (>= 4.3)
    System.Security.AccessControl (6.0)
    System.Security.Claims (4.3)
      System.Collections (>= 4.3)
      System.Globalization (>= 4.3)
      System.IO (>= 4.3)
      System.Resources.ResourceManager (>= 4.3)
      System.Runtime (>= 4.3)
      System.Runtime.Extensions (>= 4.3)
      System.Security.Principal (>= 4.3)
    System.Security.Cryptography.Algorithms (4.3)
      Microsoft.NETCore.Platforms (>= 1.1)
      runtime.native.System.Security.Cryptography.Apple (>= 4.3)
      runtime.native.System.Security.Cryptography.OpenSsl (>= 4.3)
      System.Collections (>= 4.3)
      System.IO (>= 4.3)
      System.Resources.ResourceManager (>= 4.3)
      System.Runtime (>= 4.3)
      System.Runtime.Extensions (>= 4.3)
      System.Runtime.Handles (>= 4.3)
      System.Runtime.InteropServices (>= 4.3)
      System.Runtime.Numerics (>= 4.3)
      System.Security.Cryptography.Encoding (>= 4.3)
      System.Security.Cryptography.Primitives (>= 4.3)
      System.Text.Encoding (>= 4.3)
    System.Security.Cryptography.Cng (5.0)
      System.Formats.Asn1 (>= 5.0)
    System.Security.Cryptography.Csp (4.3)
      Microsoft.NETCore.Platforms (>= 1.1)
      System.IO (>= 4.3)
      System.Reflection (>= 4.3)
      System.Resources.ResourceManager (>= 4.3)
      System.Runtime (>= 4.3)
      System.Runtime.Extensions (>= 4.3)
      System.Runtime.Handles (>= 4.3)
      System.Runtime.InteropServices (>= 4.3)
      System.Security.Cryptography.Algorithms (>= 4.3)
      System.Security.Cryptography.Encoding (>= 4.3)
      System.Security.Cryptography.Primitives (>= 4.3)
      System.Text.Encoding (>= 4.3)
      System.Threading (>= 4.3)
    System.Security.Cryptography.Encoding (4.3)
      Microsoft.NETCore.Platforms (>= 1.1)
      runtime.native.System.Security.Cryptography.OpenSsl (>= 4.3)
      System.Collections (>= 4.3)
      System.Collections.Concurrent (>= 4.3)
      System.Linq (>= 4.3)
      System.Resources.ResourceManager (>= 4.3)
      System.Runtime (>= 4.3)
      System.Runtime.Extensions (>= 4.3)
      System.Runtime.Handles (>= 4.3)
      System.Runtime.InteropServices (>= 4.3)
      System.Security.Cryptography.Primitives (>= 4.3)
      System.Text.Encoding (>= 4.3)
    System.Security.Cryptography.OpenSsl (4.3)
      runtime.native.System.Security.Cryptography.OpenSsl (>= 4.3)
      System.Collections (>= 4.3)
      System.IO (>= 4.3)
      System.Resources.ResourceManager (>= 4.3)
      System.Runtime (>= 4.3)
      System.Runtime.Extensions (>= 4.3)
      System.Runtime.Handles (>= 4.3)
      System.Runtime.InteropServices (>= 4.3)
      System.Runtime.Numerics (>= 4.3)
      System.Security.Cryptography.Algorithms (>= 4.3)
      System.Security.Cryptography.Encoding (>= 4.3)
      System.Security.Cryptography.Primitives (>= 4.3)
      System.Text.Encoding (>= 4.3)
    System.Security.Cryptography.Pkcs (9.0.8)
    System.Security.Cryptography.Primitives (4.3)
      System.Diagnostics.Debug (>= 4.3)
      System.Globalization (>= 4.3)
      System.IO (>= 4.3)
      System.Resources.ResourceManager (>= 4.3)
      System.Runtime (>= 4.3)
      System.Threading (>= 4.3)
      System.Threading.Tasks (>= 4.3)
    System.Security.Cryptography.ProtectedData (9.0.8)
    System.Security.Cryptography.X509Certificates (4.3)
      Microsoft.NETCore.Platforms (>= 1.1)
      runtime.native.System (>= 4.3)
      runtime.native.System.Net.Http (>= 4.3)
      runtime.native.System.Security.Cryptography.OpenSsl (>= 4.3)
      System.Collections (>= 4.3)
      System.Diagnostics.Debug (>= 4.3)
      System.Globalization (>= 4.3)
      System.Globalization.Calendars (>= 4.3)
      System.IO (>= 4.3)
      System.IO.FileSystem (>= 4.3)
      System.IO.FileSystem.Primitives (>= 4.3)
      System.Resources.ResourceManager (>= 4.3)
      System.Runtime (>= 4.3)
      System.Runtime.Extensions (>= 4.3)
      System.Runtime.Handles (>= 4.3)
      System.Runtime.InteropServices (>= 4.3)
      System.Runtime.Numerics (>= 4.3)
      System.Security.Cryptography.Algorithms (>= 4.3)
      System.Security.Cryptography.Cng (>= 4.3)
      System.Security.Cryptography.Csp (>= 4.3)
      System.Security.Cryptography.Encoding (>= 4.3)
      System.Security.Cryptography.OpenSsl (>= 4.3)
      System.Security.Cryptography.Primitives (>= 4.3)
      System.Text.Encoding (>= 4.3)
      System.Threading (>= 4.3)
    System.Security.Cryptography.Xml (9.0.8)
      System.Security.Cryptography.Pkcs (>= 9.0.8)
    System.Security.Permissions (9.0.8)
      System.Windows.Extensions (>= 9.0.8)
    System.Security.Principal (4.3)
      System.Runtime (>= 4.3)
    System.Security.Principal.Windows (5.0)
    System.ServiceModel.Duplex (6.0)
      System.ServiceModel.Primitives (>= 6.0)
    System.ServiceModel.Http (8.1.2)
      System.ServiceModel.Primitives (>= 8.1.2)
    System.ServiceModel.NetFramingBase (8.1.2)
      System.ServiceModel.Primitives (>= 8.1.2)
    System.ServiceModel.NetTcp (8.1.2)
      System.ServiceModel.NetFramingBase (>= 8.1.2)
      System.ServiceModel.Primitives (>= 8.1.2)
    System.ServiceModel.Primitives (8.1.2)
      Microsoft.Extensions.ObjectPool (>= 8.0.10)
      System.Security.Cryptography.Xml (>= 8.0.2)
    System.ServiceModel.Security (6.0)
      System.ServiceModel.Primitives (>= 6.0)
    System.ServiceModel.Syndication (9.0.8)
    System.ServiceProcess.ServiceController (9.0.8)
      System.Diagnostics.EventLog (>= 9.0.8)
    System.Speech (9.0.8)
    System.Text.Encoding (4.3)
      Microsoft.NETCore.Platforms (>= 1.1)
      Microsoft.NETCore.Targets (>= 1.1)
      System.Runtime (>= 4.3)
    System.Text.Encoding.CodePages (9.0.8)
    System.Text.Encoding.Extensions (4.3)
      Microsoft.NETCore.Platforms (>= 1.1)
      Microsoft.NETCore.Targets (>= 1.1)
      System.Runtime (>= 4.3)
      System.Text.Encoding (>= 4.3)
    System.Text.Encodings.Web (9.0)
    System.Text.Json (9.0.8)
    System.Text.RegularExpressions (4.3)
      System.Runtime (>= 4.3)
    System.Threading (4.3)
      System.Runtime (>= 4.3)
      System.Threading.Tasks (>= 4.3)
    System.Threading.AccessControl (9.0.8)
    System.Threading.Channels (7.0)
    System.Threading.Tasks (4.3)
      Microsoft.NETCore.Platforms (>= 1.1)
      Microsoft.NETCore.Targets (>= 1.1)
      System.Runtime (>= 4.3)
    System.Threading.Tasks.Dataflow (9.0.8)
    System.Threading.Tasks.Extensions (4.6.3)
    System.Threading.Tasks.Parallel (4.3)
      System.Collections.Concurrent (>= 4.3)
      System.Diagnostics.Debug (>= 4.3)
      System.Diagnostics.Tracing (>= 4.3)
      System.Resources.ResourceManager (>= 4.3)
      System.Runtime (>= 4.3)
      System.Runtime.Extensions (>= 4.3)
      System.Threading (>= 4.3)
      System.Threading.Tasks (>= 4.3)
    System.ValueTuple (4.6.1)
    System.Web.Services.Description (4.10.3)
    System.Windows.Extensions (9.0.8)
    System.Xml.ReaderWriter (4.3)
      System.Collections (>= 4.3)
      System.Diagnostics.Debug (>= 4.3)
      System.Globalization (>= 4.3)
      System.IO (>= 4.3)
      System.IO.FileSystem (>= 4.3)
      System.IO.FileSystem.Primitives (>= 4.3)
      System.Resources.ResourceManager (>= 4.3)
      System.Runtime (>= 4.3)
      System.Runtime.Extensions (>= 4.3)
      System.Runtime.InteropServices (>= 4.3)
      System.Text.Encoding (>= 4.3)
      System.Text.Encoding.Extensions (>= 4.3)
      System.Text.RegularExpressions (>= 4.3)
      System.Threading.Tasks (>= 4.3)
      System.Threading.Tasks.Extensions (>= 4.3)
    System.Xml.XmlDocument (4.3)
      System.Collections (>= 4.3)
      System.Diagnostics.Debug (>= 4.3)
      System.Globalization (>= 4.3)
      System.IO (>= 4.3)
      System.Resources.ResourceManager (>= 4.3)
      System.Runtime (>= 4.3)
      System.Runtime.Extensions (>= 4.3)
      System.Text.Encoding (>= 4.3)
      System.Threading (>= 4.3)
      System.Xml.ReaderWriter (>= 4.3)
    Tavis.UriTemplates (2.0)
    Telegram.Bot (22.7.2)
      Microsoft.Extensions.Options.ConfigurationExtensions (>= 8.0)
      System.Text.Json (>= 8.0.5)
    TextCopy (6.1)
      Microsoft.Extensions.DependencyInjection.Abstractions (>= 6.0)
    Unofficial.Microsoft.mshtml (7.0.3300)
    Xpand.Collections (1.0.4)
    Xpand.Patcher (9.0)
      Mono.Cecil (>= 0.11.5) - restriction: || (== net9.0) (&& (== net9.0-windows7.0) (>= net9.0))
    Xpand.VersionConverter (2.202.11)
    YamlDotNet (11.2.1)
    ZString (2.6)
  remote: c:\DevExpressPackages
    DevExpress.AspNetCore.Common (25.1.6)
      DevExpress.AspNetCore.Core (25.1.6)
      DevExpress.Data (25.1.6)
    DevExpress.AspNetCore.Core (25.1.6)
      DevExpress.Data (25.1.6)
      DevExpress.Office.Core (25.1.6)
      Microsoft.Extensions.DependencyModel (>= 8.0.2)
    DevExpress.AspNetCore.Dashboard (25.1.6)
      DevExpress.AspNetCore.Common (25.1.6)
      DevExpress.AspNetCore.Core (25.1.6)
      DevExpress.Dashboard.Core (25.1.6)
      DevExpress.Data (25.1.6)
      DevExpress.DataAccess (25.1.6)
      DevExpress.Web.Dashboard.Common (25.1.6)
      DevExpress.Web.Resources (25.1.6)
    DevExpress.AspNetCore.Reporting (25.1.6)
      DevExpress.AspNetCore.Common (25.1.6)
      DevExpress.AspNetCore.Core (25.1.6)
      DevExpress.Data (25.1.6)
      DevExpress.DataAccess (25.1.6)
      DevExpress.Printing.Core (25.1.6)
      DevExpress.Reporting.Core (25.1.6)
      DevExpress.Web.Reporting.Common (25.1.6)
      DevExpress.Web.Reporting.Common.Services (25.1.6)
      DevExpress.Web.Resources (25.1.6)
    DevExpress.Blazor (25.1.6)
      DevExpress.Blazor.Resources (25.1.6)
      DevExpress.Blazor.Themes (25.1.6)
      DevExpress.Blazor.Themes.Fluent (25.1.6)
      DevExpress.Data (25.1.6)
      DevExpress.Drawing (25.1.6)
      DevExpress.Printing.Core (25.1.6)
      DevExtreme.AspNet.Data (>= 5.1)
      System.Drawing.Common (>= 8.0.15)
    DevExpress.Blazor.Dashboard (25.1.6)
      DevExpress.Blazor.Resources (25.1.6)
      DevExpress.Data (25.1.6)
      DevExpress.Drawing (25.1.6)
    DevExpress.Blazor.PdfViewer (25.1.6)
      DevExpress.Blazor (25.1.6)
      DevExpress.Blazor.Reporting.Viewer (25.1.6)
      DevExpress.Blazor.Viewer (25.1.6)
      DevExpress.Printing.Core (25.1.6)
      DevExpress.Reporting.Core (25.1.6)
    DevExpress.Blazor.Reporting.JSBasedControls (25.1.6)
      DevExpress.Blazor.Reporting.JSBasedControls.Common (25.1.6)
      DevExpress.Data (25.1.6)
      DevExpress.DataAccess (25.1.6)
      DevExpress.Printing.Core (25.1.6)
      DevExpress.Reporting.Core (25.1.6)
      DevExpress.Web.Reporting.Common (25.1.6)
      DevExpress.Web.Reporting.Common.Services (25.1.6)
    DevExpress.Blazor.Reporting.JSBasedControls.Common (25.1.6)
      DevExpress.Blazor.Resources (25.1.6)
      DevExpress.Data (25.1.6)
    DevExpress.Blazor.Reporting.Viewer (25.1.6)
      DevExpress.Blazor (25.1.6)
      DevExpress.Blazor.Viewer (25.1.6)
      DevExpress.Data (25.1.6)
      DevExpress.DataAccess (25.1.6)
      DevExpress.Drawing (25.1.6)
      DevExpress.Printing.Core (25.1.6)
      DevExpress.Reporting.Core (25.1.6)
      System.Reactive (>= 5.0)
    DevExpress.Blazor.Resources (25.1.6)
      DevExpress.Data (25.1.6)
    DevExpress.Blazor.RichEdit (25.1.6)
      DevExpress.Blazor (25.1.6)
      DevExpress.Blazor.Resources (25.1.6)
      DevExpress.Data (25.1.6)
      DevExpress.Drawing (25.1.6)
      DevExpress.SpellChecker.Core (25.1.6)
      Microsoft.Extensions.FileProviders.Abstractions (>= 6.0)
    DevExpress.Blazor.Themes (25.1.6)
    DevExpress.Blazor.Themes.Fluent (25.1.6)
    DevExpress.Blazor.Viewer (25.1.6)
      DevExpress.Blazor (25.1.6)
      DevExpress.Blazor.Resources (25.1.6)
      DevExpress.Data (25.1.6)
      DevExpress.DataAccess (25.1.6)
      DevExpress.Drawing (25.1.6)
      DevExpress.Printing.Core (25.1.6)
      System.Reactive (>= 5.0)
    DevExpress.Charts (25.1.6)
      DevExpress.Charts.Core (25.1.6)
      DevExpress.Data (25.1.6)
      DevExpress.DataVisualization.Core (25.1.6)
      DevExpress.Drawing (25.1.6)
      DevExpress.Printing.Core (25.1.6)
      System.Drawing.Common (>= 8.0.15)
    DevExpress.Charts.Core (25.1.6)
      DevExpress.Data (25.1.6)
    DevExpress.CodeParser (25.1.6)
      DevExpress.Data (25.1.6)
      System.CodeDom (>= 4.4)
    DevExpress.Dashboard.Core (25.1.6)
      DevExpress.Charts (25.1.6)
      DevExpress.Charts.Core (25.1.6)
      DevExpress.Data (25.1.6)
      DevExpress.DataAccess (25.1.6)
      DevExpress.Drawing (25.1.6)
      DevExpress.Gauges.Core (25.1.6)
      DevExpress.Map.Core (25.1.6)
      DevExpress.Office.Core (25.1.6)
      DevExpress.PivotGrid.Core (25.1.6)
      DevExpress.Printing.Core (25.1.6)
      DevExpress.Reporting.Core (25.1.6)
      DevExpress.RichEdit.Core (25.1.6)
      DevExpress.Sparkline.Core (25.1.6)
      DevExpress.TreeMap (25.1.6)
      DevExpress.TreeMap.Core (25.1.6)
      DevExpress.Xpo (25.1.6)
      System.Drawing.Common (>= 8.0.15)
    DevExpress.DataAccess (25.1.6)
      DevExpress.CodeParser (25.1.6)
      DevExpress.Data (25.1.6)
      DevExpress.Drawing (25.1.6)
      DevExpress.Office.Core (25.1.6)
      DevExpress.Printing.Core (25.1.6)
      DevExpress.RichEdit.Core (25.1.6)
      DevExpress.Xpo (25.1.6)
      System.Configuration.ConfigurationManager (>= 8.0.1)
    DevExpress.DataVisualization.Core (25.1.6)
      DevExpress.Data (25.1.6)
      DevExpress.Drawing (25.1.6)
    DevExpress.EasyTest (25.1.6)
      System.Configuration.ConfigurationManager (>= 8.0.1)
      System.Data.SqlClient (>= 4.8.6)
      System.Drawing.Common (>= 8.0.15)
      System.ServiceProcess.ServiceController (>= 8.0.1)
    DevExpress.ExpressApp (25.1.6)
      DevExpress.Data (25.1.6)
      DevExpress.Drawing (25.1.6)
      DevExpress.Images (25.1.6)
      DevExpress.Printing.Core (25.1.6)
      Microsoft.CodeAnalysis.CSharp (>= 4.10)
      Microsoft.Extensions.Configuration.Abstractions (>= 8.0)
      Microsoft.Extensions.DependencyInjection.Abstractions (>= 8.0.2)
      Microsoft.Extensions.ObjectPool (>= 8.0.10)
      Microsoft.Extensions.Options (>= 8.0.2)
      Microsoft.NETCore.Platforms (>= 7.0.4)
      System.Configuration.ConfigurationManager (>= 8.0.1)
      System.Diagnostics.EventLog (>= 8.0.2)
      System.Drawing.Common (>= 8.0.15)
      System.Formats.Asn1 (>= 8.0.1)
      System.Resources.Extensions (>= 8.0)
      System.Security.Cryptography.Pkcs (>= 8.0.1)
      System.Security.Cryptography.Xml (>= 8.0.2)
      System.ServiceModel.Primitives (>= 8.1.2)
    DevExpress.ExpressApp.AspNetCore (25.1.6)
      DevExpress.Data (25.1.6)
      DevExpress.Drawing (25.1.6)
      DevExpress.ExpressApp (25.1.6)
      DevExpress.Persistent.Base (25.1.6)
      System.Drawing.Common (>= 8.0.15)
    DevExpress.ExpressApp.AuditTrail.Xpo (25.1.6)
      DevExpress.Data (25.1.6)
      DevExpress.ExpressApp (25.1.6)
      DevExpress.ExpressApp.Xpo (25.1.6)
      DevExpress.Persistent.BaseImpl.Xpo (25.1.6)
      DevExpress.Xpo (25.1.6)
      Microsoft.Extensions.Configuration.Abstractions (>= 8.0)
      Microsoft.Extensions.DependencyInjection.Abstractions (>= 8.0.2)
      Microsoft.Extensions.Options (>= 8.0.2)
      System.Configuration.ConfigurationManager (>= 8.0.1)
    DevExpress.ExpressApp.Blazor (25.1.6)
      DevExpress.Blazor (25.1.6)
      DevExpress.Blazor.Resources (25.1.6)
      DevExpress.Data (25.1.6)
      DevExpress.Drawing (25.1.6)
      DevExpress.ExpressApp (25.1.6)
      DevExpress.ExpressApp.AspNetCore (25.1.6)
      DevExpress.ExpressApp.Security (25.1.6)
      DevExpress.ExpressApp.Security.AspNetCore (25.1.6)
      DevExpress.Persistent.Base (25.1.6)
      DevExpress.Printing.Core (25.1.6)
      DevExtreme.AspNet.Data (>= 5.1)
      Microsoft.AspNetCore.DataProtection.Extensions (>= 8.0.10)
      System.Drawing.Common (>= 8.0.15)
      System.Formats.Asn1 (>= 8.0.1)
    DevExpress.ExpressApp.Blazor.All (25.1.6)
      DevExpress.ExpressApp.AspNetCore (25.1.6)
      DevExpress.ExpressApp.Blazor (25.1.6)
      DevExpress.ExpressApp.Core.All (25.1.6)
      DevExpress.ExpressApp.Dashboards.Blazor (25.1.6)
      DevExpress.ExpressApp.EasyTest.BlazorAdapter (25.1.6)
      DevExpress.ExpressApp.FileAttachment.Blazor (25.1.6)
      DevExpress.ExpressApp.Notifications.Blazor (25.1.6)
      DevExpress.ExpressApp.Office.Blazor (25.1.6)
      DevExpress.ExpressApp.ReportsV2.Blazor (25.1.6)
      DevExpress.ExpressApp.Scheduler.Blazor (25.1.6)
      DevExpress.ExpressApp.Security.AspNetCore (25.1.6)
      DevExpress.ExpressApp.Validation.Blazor (25.1.6)
    DevExpress.ExpressApp.Chart (25.1.6)
      DevExpress.Charts (25.1.6)
      DevExpress.Data (25.1.6)
      DevExpress.Drawing (25.1.6)
      DevExpress.ExpressApp (25.1.6)
      DevExpress.Persistent.Base (25.1.6)
    DevExpress.ExpressApp.CloneObject (25.1.6)
      DevExpress.Data (25.1.6)
      DevExpress.ExpressApp (25.1.6)
      DevExpress.Persistent.Base (25.1.6)
    DevExpress.ExpressApp.ConditionalAppearance (25.1.6)
      DevExpress.Data (25.1.6)
      DevExpress.Drawing (25.1.6)
      DevExpress.ExpressApp (25.1.6)
      DevExpress.Persistent.Base (25.1.6)
    DevExpress.ExpressApp.Core.All (25.1.6)
      DevExpress.EasyTest (25.1.6)
      DevExpress.ExpressApp.AuditTrail.Xpo (25.1.6)
      DevExpress.ExpressApp.Chart (25.1.6)
      DevExpress.ExpressApp.CloneObject (25.1.6)
      DevExpress.ExpressApp.ConditionalAppearance (25.1.6)
      DevExpress.ExpressApp.Dashboards (25.1.6)
      DevExpress.ExpressApp.Kpi (25.1.6)
      DevExpress.ExpressApp.Notifications (25.1.6)
      DevExpress.ExpressApp.Objects (25.1.6)
      DevExpress.ExpressApp.Office (25.1.6)
      DevExpress.ExpressApp.PivotChart (25.1.6)
      DevExpress.ExpressApp.PivotGrid (25.1.6)
      DevExpress.ExpressApp.ReportsV2 (25.1.6)
      DevExpress.ExpressApp.Scheduler (25.1.6)
      DevExpress.ExpressApp.ScriptRecorder (25.1.6)
      DevExpress.ExpressApp.Security (25.1.6)
      DevExpress.ExpressApp.StateMachine (25.1.6)
      DevExpress.ExpressApp.TreeListEditors (25.1.6)
      DevExpress.ExpressApp.Validation (25.1.6)
      DevExpress.ExpressApp.ViewVariantsModule (25.1.6)
      DevExpress.Persistent.Base (25.1.6)
    DevExpress.ExpressApp.Dashboards (25.1.6)
      DevExpress.Dashboard.Core (25.1.6)
      DevExpress.Data (25.1.6)
      DevExpress.DataAccess (25.1.6)
      DevExpress.ExpressApp (25.1.6)
      DevExpress.Persistent.Base (25.1.6)
    DevExpress.ExpressApp.Dashboards.Blazor (25.1.6)
      DevExpress.AspNetCore.Dashboard (25.1.6)
      DevExpress.Blazor.Dashboard (25.1.6)
      DevExpress.Blazor.Resources (25.1.6)
      DevExpress.Dashboard.Core (25.1.6)
      DevExpress.Data (25.1.6)
      DevExpress.DataAccess (25.1.6)
      DevExpress.ExpressApp (25.1.6)
      DevExpress.ExpressApp.AspNetCore (25.1.6)
      DevExpress.ExpressApp.Blazor (25.1.6)
      DevExpress.ExpressApp.Dashboards (25.1.6)
      DevExpress.ExpressApp.Security (25.1.6)
      DevExpress.Persistent.Base (25.1.6)
      DevExpress.Web.Dashboard.Common (25.1.6)
      Microsoft.Extensions.Configuration.Abstractions (>= 8.0)
      Microsoft.Extensions.DependencyInjection.Abstractions (>= 8.0.2)
      Microsoft.Extensions.DependencyModel (>= 9.0)
      Microsoft.Extensions.Hosting.Abstractions (>= 8.0.1)
      Microsoft.Extensions.Logging.Abstractions (>= 8.0.3)
      Microsoft.Extensions.Options (>= 8.0.2)
      Microsoft.Extensions.Primitives (>= 8.0)
      System.Diagnostics.EventLog (>= 8.0.2)
      System.Text.Json (>= 9.0.6)
    DevExpress.ExpressApp.EasyTest.BlazorAdapter (25.1.6)
      DevExpress.Data (25.1.6)
      DevExpress.EasyTest (25.1.6)
      Selenium.Support (>= 4.4)
      System.Drawing.Common (>= 8.0.15)
    DevExpress.ExpressApp.EasyTest.WinAdapter (25.1.6)
    DevExpress.ExpressApp.FileAttachment.Blazor (25.1.6)
      DevExpress.Blazor (25.1.6)
      DevExpress.Data (25.1.6)
      DevExpress.ExpressApp (25.1.6)
      DevExpress.ExpressApp.Blazor (25.1.6)
      DevExpress.Persistent.Base (25.1.6)
      Microsoft.Extensions.DependencyInjection.Abstractions (>= 8.0.2)
      Microsoft.Extensions.Logging.Abstractions (>= 8.0.3)
      Microsoft.Extensions.Options (>= 8.0.2)
      Microsoft.Extensions.Primitives (>= 8.0)
    DevExpress.ExpressApp.Kpi (25.1.6)
      DevExpress.Data (25.1.6)
      DevExpress.ExpressApp (25.1.6)
      DevExpress.ExpressApp.Validation (25.1.6)
      DevExpress.Persistent.Base (25.1.6)
      System.Drawing.Common (>= 8.0.15)
    DevExpress.ExpressApp.Notifications (25.1.6)
      DevExpress.Data (25.1.6)
      DevExpress.ExpressApp (25.1.6)
      DevExpress.Persistent.Base (25.1.6)
    DevExpress.ExpressApp.Notifications.Blazor (25.1.6)
      DevExpress.Data (25.1.6)
      DevExpress.ExpressApp (25.1.6)
      DevExpress.ExpressApp.AspNetCore (25.1.6)
      DevExpress.ExpressApp.Blazor (25.1.6)
      DevExpress.ExpressApp.Notifications (25.1.6)
      DevExpress.Persistent.Base (25.1.6)
    DevExpress.ExpressApp.Objects (25.1.6)
      DevExpress.Data (25.1.6)
      DevExpress.ExpressApp (25.1.6)
      System.Formats.Asn1 (>= 8.0.1)
      System.Security.Cryptography.Xml (>= 8.0.2)
    DevExpress.ExpressApp.Office (25.1.6)
      DevExpress.Data (25.1.6)
      DevExpress.ExpressApp (25.1.6)
      DevExpress.Office.Core (25.1.6)
      DevExpress.Persistent.Base (25.1.6)
      DevExpress.RichEdit.Core (25.1.6)
      DevExpress.Spreadsheet.Core (25.1.6)
    DevExpress.ExpressApp.Office.Blazor (25.1.6)
      DevExpress.Blazor (25.1.6)
      DevExpress.Blazor.PdfViewer (25.1.6)
      DevExpress.Blazor.RichEdit (25.1.6)
      DevExpress.Blazor.Viewer (25.1.6)
      DevExpress.ExpressApp (25.1.6)
      DevExpress.ExpressApp.AspNetCore (25.1.6)
      DevExpress.ExpressApp.Blazor (25.1.6)
      DevExpress.ExpressApp.Office (25.1.6)
      DevExpress.Office.Core (25.1.6)
      DevExpress.Persistent.Base (25.1.6)
      DevExpress.RichEdit.Core (25.1.6)
      Microsoft.Extensions.Configuration.Abstractions (>= 8.0)
      Microsoft.Extensions.DependencyInjection.Abstractions (>= 8.0.2)
      Microsoft.Extensions.Hosting.Abstractions (>= 8.0.1)
      Microsoft.Extensions.Logging.Abstractions (>= 8.0.3)
      Microsoft.Extensions.Options (>= 8.0.2)
      Microsoft.Extensions.Primitives (>= 8.0)
      System.Diagnostics.EventLog (>= 8.0.2)
    DevExpress.ExpressApp.Office.Win (25.1.6)
    DevExpress.ExpressApp.PivotChart (25.1.6)
      DevExpress.Charts (25.1.6)
      DevExpress.Data (25.1.6)
      DevExpress.ExpressApp (25.1.6)
      DevExpress.Persistent.Base (25.1.6)
      DevExpress.PivotGrid.Core (25.1.6)
    DevExpress.ExpressApp.PivotGrid (25.1.6)
      DevExpress.Data (25.1.6)
      DevExpress.ExpressApp (25.1.6)
      DevExpress.PivotGrid.Core (25.1.6)
      System.Formats.Asn1 (>= 8.0.1)
      System.Security.Cryptography.Xml (>= 8.0.2)
    DevExpress.ExpressApp.ReportsV2 (25.1.6)
      DevExpress.Data (25.1.6)
      DevExpress.ExpressApp (25.1.6)
      DevExpress.Persistent.Base (25.1.6)
      DevExpress.Printing.Core (25.1.6)
      DevExpress.Reporting.Core (25.1.6)
      Microsoft.Extensions.Configuration.Abstractions (>= 8.0)
      Microsoft.Extensions.DependencyInjection.Abstractions (>= 8.0.2)
      Microsoft.Extensions.Options (>= 8.0.2)
    DevExpress.ExpressApp.ReportsV2.Blazor (25.1.6)
      DevExpress.AspNetCore.Reporting (25.1.6)
      DevExpress.Blazor (25.1.6)
      DevExpress.Blazor.Reporting.JSBasedControls (25.1.6)
      DevExpress.Blazor.Reporting.JSBasedControls.Common (25.1.6)
      DevExpress.Blazor.Reporting.Viewer (25.1.6)
      DevExpress.Blazor.Viewer (25.1.6)
      DevExpress.Data (25.1.6)
      DevExpress.ExpressApp (25.1.6)
      DevExpress.ExpressApp.AspNetCore (25.1.6)
      DevExpress.ExpressApp.Blazor (25.1.6)
      DevExpress.ExpressApp.ReportsV2 (25.1.6)
      DevExpress.Persistent.Base (25.1.6)
      DevExpress.Printing.Core (25.1.6)
      DevExpress.Reporting.Core (25.1.6)
      DevExpress.Web.Reporting.Common (25.1.6)
      Microsoft.Extensions.Configuration.Abstractions (>= 8.0)
      Microsoft.Extensions.DependencyInjection.Abstractions (>= 8.0.2)
      Microsoft.Extensions.DependencyModel (>= 9.0)
      Microsoft.Extensions.Hosting.Abstractions (>= 8.0.1)
      Microsoft.Extensions.Logging.Abstractions (>= 8.0.3)
      Microsoft.Extensions.Options (>= 8.0.2)
      Microsoft.Extensions.Primitives (>= 8.0)
      System.Diagnostics.EventLog (>= 8.0.2)
      System.Text.Json (>= 9.0.6)
    DevExpress.ExpressApp.Scheduler (25.1.6)
      DevExpress.Data (25.1.6)
      DevExpress.ExpressApp (25.1.6)
      DevExpress.Persistent.Base (25.1.6)
      DevExpress.Scheduler.Core (25.1.6)
    DevExpress.ExpressApp.Scheduler.Blazor (25.1.6)
      DevExpress.Blazor (25.1.6)
      DevExpress.Data (25.1.6)
      DevExpress.ExpressApp (25.1.6)
      DevExpress.ExpressApp.AspNetCore (25.1.6)
      DevExpress.ExpressApp.Blazor (25.1.6)
      DevExpress.ExpressApp.Notifications (25.1.6)
      DevExpress.ExpressApp.Scheduler (25.1.6)
      DevExpress.Persistent.Base (25.1.6)
      DevExpress.Scheduler.Core (25.1.6)
      Microsoft.Extensions.DependencyInjection.Abstractions (>= 8.0.2)
      Microsoft.Extensions.Logging.Abstractions (>= 8.0.3)
      Microsoft.Extensions.Options (>= 8.0.2)
      Microsoft.Extensions.Primitives (>= 8.0)
    DevExpress.ExpressApp.ScriptRecorder (25.1.6)
      DevExpress.ExpressApp (25.1.6)
      System.Formats.Asn1 (>= 8.0.1)
      System.Security.Cryptography.Xml (>= 8.0.2)
    DevExpress.ExpressApp.Security (25.1.6)
      DevExpress.Data (25.1.6)
      DevExpress.Drawing (25.1.6)
      DevExpress.ExpressApp (25.1.6)
      DevExpress.Persistent.Base (25.1.6)
      MessagePack (>= 3.1.4)
      Microsoft.Extensions.DependencyInjection.Abstractions (>= 8.0.2)
      Microsoft.Extensions.Options (>= 8.0.2)
      System.Security.Permissions (>= 8.0)
    DevExpress.ExpressApp.Security.AspNetCore (25.1.6)
      DevExpress.Data (25.1.6)
      DevExpress.ExpressApp (25.1.6)
      DevExpress.ExpressApp.AspNetCore (25.1.6)
      DevExpress.ExpressApp.Security (25.1.6)
      Microsoft.AspNetCore.Authentication.JwtBearer (>= 8.0.17)
      Microsoft.IdentityModel.Protocols.OpenIdConnect (>= 8.14)
    DevExpress.ExpressApp.Security.Xpo (25.1.6)
      DevExpress.Data (25.1.6)
      DevExpress.ExpressApp (25.1.6)
      DevExpress.ExpressApp.Security (25.1.6)
      DevExpress.ExpressApp.Xpo (25.1.6)
      DevExpress.Persistent.Base (25.1.6)
      DevExpress.Xpo (25.1.6)
      MessagePack (>= 3.1.4)
      Microsoft.Extensions.DependencyInjection.Abstractions (>= 8.0.2)
      Microsoft.Extensions.Options (>= 8.0.2)
      System.Formats.Asn1 (>= 8.0.1)
      System.ServiceModel.Http (>= 8.1.2)
      System.ServiceModel.NetTcp (>= 8.1.2)
    DevExpress.ExpressApp.StateMachine (25.1.6)
      DevExpress.Data (25.1.6)
      DevExpress.Drawing (25.1.6)
      DevExpress.ExpressApp (25.1.6)
      DevExpress.ExpressApp.ConditionalAppearance (25.1.6)
      DevExpress.ExpressApp.Validation (25.1.6)
      DevExpress.Persistent.Base (25.1.6)
    DevExpress.ExpressApp.TreeListEditors (25.1.6)
      DevExpress.Data (25.1.6)
      DevExpress.Drawing (25.1.6)
      DevExpress.ExpressApp (25.1.6)
      DevExpress.Persistent.Base (25.1.6)
    DevExpress.ExpressApp.Validation (25.1.6)
      DevExpress.Data (25.1.6)
      DevExpress.ExpressApp (25.1.6)
      DevExpress.Persistent.Base (25.1.6)
      Microsoft.Extensions.DependencyInjection.Abstractions (>= 8.0.2)
      Microsoft.Extensions.Options (>= 8.0.2)
      System.Drawing.Common (>= 8.0.15)
    DevExpress.ExpressApp.Validation.Blazor (25.1.6)
      DevExpress.Data (25.1.6)
      DevExpress.ExpressApp (25.1.6)
      DevExpress.ExpressApp.Blazor (25.1.6)
      DevExpress.ExpressApp.Validation (25.1.6)
      DevExpress.Persistent.Base (25.1.6)
      Microsoft.Extensions.DependencyInjection.Abstractions (>= 8.0.2)
      Microsoft.Extensions.Logging.Abstractions (>= 8.0.3)
      Microsoft.Extensions.Options (>= 8.0.2)
      Microsoft.Extensions.Primitives (>= 8.0)
    DevExpress.ExpressApp.ViewVariantsModule (25.1.6)
      DevExpress.Data (25.1.6)
      DevExpress.ExpressApp (25.1.6)
      System.Formats.Asn1 (>= 8.0.1)
      System.Security.Cryptography.Xml (>= 8.0.2)
    DevExpress.ExpressApp.Web.All (25.1.6)
    DevExpress.ExpressApp.Win (25.1.6)
    DevExpress.ExpressApp.Win.All (25.1.6)
    DevExpress.ExpressApp.Xpo (25.1.6)
      DevExpress.Data (25.1.6)
      DevExpress.Drawing (25.1.6)
      DevExpress.ExpressApp (25.1.6)
      DevExpress.Xpo (25.1.6)
      Microsoft.Extensions.DependencyInjection.Abstractions (>= 8.0.2)
      System.Drawing.Common (>= 8.0.15)
      System.Security.Permissions (>= 8.0)
    DevExpress.Gauges.Core (25.1.6)
      DevExpress.Data (25.1.6)
      DevExpress.Drawing (25.1.6)
      DevExpress.Printing.Core (25.1.6)
      System.Drawing.Common (>= 8.0.15)
    DevExpress.Images (25.1.6)
      DevExpress.Data (25.1.6)
      DevExpress.Drawing (25.1.6)
      System.Drawing.Common (>= 8.0.15)
    DevExpress.Map.Core (25.1.6)
      DevExpress.Data (25.1.6)
      DevExpress.Drawing (25.1.6)
      DevExpress.Printing.Core (25.1.6)
      System.Drawing.Common (>= 8.0.15)
    DevExpress.Persistent.Base (25.1.6)
      DevExpress.Data (25.1.6)
      DevExpress.DataAccess (25.1.6)
      DevExpress.Drawing (25.1.6)
      DevExpress.ExpressApp (25.1.6)
      DevExpress.Printing.Core (25.1.6)
      Microsoft.Extensions.DependencyInjection.Abstractions (>= 8.0.2)
      Microsoft.Extensions.Options (>= 8.0.2)
    DevExpress.Persistent.BaseImpl.Xpo (25.1.6)
      DevExpress.Data (25.1.6)
      DevExpress.Drawing (25.1.6)
      DevExpress.ExpressApp (25.1.6)
      DevExpress.ExpressApp.Objects (25.1.6)
      DevExpress.ExpressApp.Xpo (25.1.6)
      DevExpress.Persistent.Base (25.1.6)
      DevExpress.Scheduler.Core (25.1.6)
      DevExpress.Xpo (25.1.6)
      Microsoft.Extensions.Options (>= 8.0.2)
    DevExpress.PivotGrid.Core (25.1.6)
      DevExpress.Data (25.1.6)
      DevExpress.Drawing (25.1.6)
      DevExpress.Printing.Core (25.1.6)
      System.Data.OleDb (>= 8.0.1)
      System.Drawing.Common (>= 8.0.15)
    DevExpress.Reporting.Core (25.1.6)
      DevExpress.Charts (25.1.6)
      DevExpress.Charts.Core (25.1.6)
      DevExpress.CodeParser (25.1.6)
      DevExpress.Data (25.1.6)
      DevExpress.DataAccess (25.1.6)
      DevExpress.Drawing (25.1.6)
      DevExpress.Gauges.Core (25.1.6)
      DevExpress.Office.Core (25.1.6)
      DevExpress.Pdf.Core (25.1.6)
      DevExpress.Pdf.Drawing (25.1.6)
      DevExpress.PivotGrid.Core (25.1.6)
      DevExpress.Printing.Core (25.1.6)
      DevExpress.RichEdit.Core (25.1.6)
      DevExpress.RichEdit.Export (25.1.6)
      DevExpress.Sparkline.Core (25.1.6)
      DevExpress.Xpo (25.1.6)
      System.CodeDom (>= 4.4)
      System.Drawing.Common (>= 8.0.15)
    DevExpress.RichEdit.Export (25.1.6)
      DevExpress.Data (25.1.6)
      DevExpress.Drawing (25.1.6)
      DevExpress.Office.Core (25.1.6)
      DevExpress.Printing.Core (25.1.6)
      DevExpress.RichEdit.Core (25.1.6)
      System.Drawing.Common (>= 8.0.15)
    DevExpress.Scheduler.Core (25.1.6)
      DevExpress.Data (25.1.6)
      System.Drawing.Common (>= 8.0.15)
    DevExpress.Sparkline.Core (25.1.6)
      DevExpress.Data (25.1.6)
      DevExpress.Drawing (25.1.6)
      System.Drawing.Common (>= 8.0.15)
    DevExpress.SpellChecker.Core (25.1.6)
      DevExpress.Data (25.1.6)
    DevExpress.Spreadsheet.Core (25.1.6)
      DevExpress.Data (25.1.6)
      DevExpress.DataAccess (25.1.6)
      DevExpress.DataVisualization.Core (25.1.6)
      DevExpress.Drawing (25.1.6)
      DevExpress.Office.Core (25.1.6)
      DevExpress.Pdf.Core (25.1.6)
      DevExpress.Printing.Core (25.1.6)
      DevExpress.Sparkline.Core (25.1.6)
      System.Drawing.Common (>= 8.0.15)
    DevExpress.TreeMap (25.1.6)
      DevExpress.Data (25.1.6)
      DevExpress.DataVisualization.Core (25.1.6)
      DevExpress.Drawing (25.1.6)
      DevExpress.Printing.Core (25.1.6)
      DevExpress.TreeMap.Core (25.1.6)
      System.Drawing.Common (>= 8.0.15)
    DevExpress.TreeMap.Core (25.1.6)
      DevExpress.Data (25.1.6)
    DevExpress.Utils (25.1.6)
    DevExpress.Web.Dashboard.Common (25.1.6)
      DevExpress.Dashboard.Core (25.1.6)
      DevExpress.Data (25.1.6)
      DevExpress.DataAccess (25.1.6)
      DevExpress.Drawing (25.1.6)
      DevExpress.PivotGrid.Core (25.1.6)
      DevExpress.Printing.Core (25.1.6)
      DevExpress.Reporting.Core (25.1.6)
    DevExpress.Web.Reporting.Common (25.1.6)
      DevExpress.Charts (25.1.6)
      DevExpress.Charts.Core (25.1.6)
      DevExpress.Data (25.1.6)
      DevExpress.DataAccess (25.1.6)
      DevExpress.Drawing (25.1.6)
      DevExpress.Gauges.Core (25.1.6)
      DevExpress.PivotGrid.Core (25.1.6)
      DevExpress.Printing.Core (25.1.6)
      DevExpress.Reporting.Core (25.1.6)
      DevExpress.Sparkline.Core (25.1.6)
      DevExpress.Xpo (25.1.6)
    DevExpress.Web.Reporting.Common.Services (25.1.6)
      DevExpress.Data (25.1.6)
      DevExpress.DataAccess (25.1.6)
      DevExpress.Reporting.Core (25.1.6)
      DevExpress.Web.Reporting.Common (25.1.6)
    DevExpress.Web.Resources (25.1.6)
      DevExpress.AspNetCore.Core (25.1.6)
      DevExpress.Data (25.1.6)
    DevExpress.Win.SpellChecker (25.1.6)
